##TITLE=Parameter List, ParaVision 6.0.1
##JCAMPDX=4.24
##DATATYPE=Parameter Values
##ORIGIN=Bruker BioSpin MRI GmbH
##OWNER=jia
$$ 2016-08-21 16:56:09.547 -0400  jia@CZC4202Y88
$$ /opt/PV6.0.1/data/jia/20160719_155347_MEGAPRESS_Final_MouseInvivo_1_1/575/pdata/1/reco
$$ process /opt/PV6.0.1/prog/bin/parxserver
##$RECO_mode=USER_MODE
##$RecoAutoDerive=No
##$RecoDim=1
##$RecoObjectsPerRepetition=1
##$RecoObjectsPerSetupStep=1
$$ @vis= RECO_mode RecoAutoDerive RecoDim RecoObjectsPerRepetition
##$RecoNumRepetitions=40
##$RECO_inp_order=NO_REORDERING
##$RECO_inp_size=( 1 )
4096
$$ @vis= RecoObjectsPerSetupStep RecoNumRepetitions RECO_inp_order
##$RECO_ft_size=( 1 )
4096
##$RECO_fov=( 1 )
5.8
##$RECO_size=( 1 )
4096
##$RECO_offset=( 1, 1 )
0
##$RECO_regrid_mode=NO_REGRID
##$RECO_regrid_offset=0
##$RECO_ramp_gap=0
##$RECO_ramp_time=0
##$RECO_ne_mode=NO_NAV_DATA
##$RECO_ne_dist=NeNoInterleave
##$RECO_ne_dens=NeCorrPerScan
##$RECO_ne_type=NAV_PHASE
##$RECO_bc_mode=( 1 )
NO_BC
##$RECO_bc_start=( 1 )
3072
##$RECO_bc_len=( 1 )
1024
##$RECO_dc_offset=( 2 )
0 0
##$RECO_dc_divisor=1
##$RECO_bc_coroff=( 1 )
0
##$RECO_qopts=( 1 )
COMPLEX_CONJUGATE
##$RECO_wdw_mode=( 1 )
NO_WDW
$$ @vis= RECO_inp_size RECO_ft_size RECO_fov RECO_size RECO_ne_mode
##$RECO_lb=( 1 )
-0.5
##$RECO_sw=( 1 )
4098.36065573771
##$RECO_gb=( 1 )
0.5
##$RECO_sbs=( 1 )
1
##$RECO_tm1=( 1 )
0.25
##$RECO_tm2=( 1 )
0.75
##$RECO_ft_mode=( 1 )
COMPLEX_FT
##$RECO_pc_mode=( 1 )
NO_PC
##$RECO_pc_lin=( 1 )
(0, 0)
##$RECO_rotate=( 1, 1 )
0.5
##$RECO_ppc_mode=NO_PPC
##$RECO_ref_image=0
##$RECO_nr_supports=0.4
##$RECO_sig_threshold=0.15
##$RECO_ppc_degree=1
##$RECO_ppc_coeffs=( 1, 1, 2 )
0 0
##$RECO_dc_elim=Yes
##$RECO_transposition=( 1 )
0
$$ @vis= RECO_wdw_mode RECO_ft_mode RECO_pc_mode RECO_rotate
##$RECO_image_type=MAGNITUDE_IMAGE
##$RECO_image_threshold=0.15
##$RECO_ir_scale=10
##$RECO_wordtype=_16BIT_SGN_INT
##$RECO_map_mode=ABSOLUTE_MAPPING
##$RECO_map_range=( 2 )
-2147483647 2147483647
##$RECO_map_percentile=( 2 )
1 99.9
##$RECO_map_error=0.025
##$RECO_globex=( 40 )
0 0 0 0 0 0 0 0 0 0 0 0 0 0 0 0 0 0 0 0 0 0 0 0 0 0 0 0 0 0 0 0 0 0 0 0 0 0 0 
0
##$RECO_minima=( 40 )
10.1112882764615 82.8593150463458 33.6541251262518 57.7137222814827 
53.2230057977479 55.4616269768569 109.36931570768 72.6428619005246 
136.329345364875 101.085571612196 74.7612137724483 145.495595936831 
110.169110640444 115.315373808859 116.89184766586 189.992048195575 
73.0318606598487 48.4706760121977 99.0159431411929 70.4705539718895 
112.637409879497 62.4264479529969 128.179110926012 124.413339219579 
77.8297944965585 48.0884406044622 25.4952264775956 143.816047328204 
137.189115527541 76.8228078948868 77.3864297084776 32.2104509629953 
62.5302336653362 14.9899484654617 83.9906516090607 75.4963695948097 
143.82301985632 64.8968173557671 88.9920082402241 88.9091337479718
##$RECO_maxima=( 40 )
24547.8148714891 26015.7102116489 32766.5 25453.0291354108 29050.3638007371 
29782.1405847511 29701.3497154292 27693.3116654901 25326.9188094672 
25889.4743186663 23753.7900608742 24699.156057308 29816.0768461079 
26623.4825230833 23422.1517557765 27970.3807793494 27810.3160629348 
26756.9225084191 24072.905353557 23502.2131021158 24878.6820359957 
23866.7822377949 25431.8602358556 23915.2962843861 31213.0926908552 
25831.2505083682 26420.9687916952 29854.4209701112 25780.5834608376 
30605.8220356396 28736.591360087 26383.3292413968 28205.190588901 
29537.8300270486 30020.8518032215 26225.4601420443 29944.5350203782 
28237.1722208019 27464.6916748889 28082.9171769931
##$RECO_map_min=( 40 )
-4.65055807208485 -4.65055807208485 -4.65055807208485 -4.65055807208485 
-4.65055807208485 -4.65055807208485 -4.65055807208485 -4.65055807208485 
-4.65055807208485 -4.65055807208485 -4.65055807208485 -4.65055807208485 
-4.65055807208485 -4.65055807208485 -4.65055807208485 -4.65055807208485 
-4.65055807208485 -4.65055807208485 -4.65055807208485 -4.65055807208485 
-4.65055807208485 -4.65055807208485 -4.65055807208485 -4.65055807208485 
-4.65055807208485 -4.65055807208485 -4.65055807208485 -4.65055807208485 
-4.65055807208485 -4.65055807208485 -4.65055807208485 -4.65055807208485 
-4.65055807208485 -4.65055807208485 -4.65055807208485 -4.65055807208485 
-4.65055807208485 -4.65055807208485 -4.65055807208485 -4.65055807208485
##$RECO_map_max=( 40 )
4.65055807208485 4.65055807208485 4.65055807208485 4.65055807208485 
4.65055807208485 4.65055807208485 4.65055807208485 4.65055807208485 
4.65055807208485 4.65055807208485 4.65055807208485 4.65055807208485 
4.65055807208485 4.65055807208485 4.65055807208485 4.65055807208485 
4.65055807208485 4.65055807208485 4.65055807208485 4.65055807208485 
4.65055807208485 4.65055807208485 4.65055807208485 4.65055807208485 
4.65055807208485 4.65055807208485 4.65055807208485 4.65055807208485 
4.65055807208485 4.65055807208485 4.65055807208485 4.65055807208485 
4.65055807208485 4.65055807208485 4.65055807208485 4.65055807208485 
4.65055807208485 4.65055807208485 4.65055807208485 4.65055807208485
##$RECO_map_offset=( 40 )
0 0 0 0 0 0 0 0 0 0 0 0 0 0 0 0 0 0 0 0 0 0 0 0 0 0 0 0 0 0 0 0 0 0 0 0 0 0 0 
0
##$RECO_map_slope=( 40 )
7045.71354493607 7045.71354493607 7045.71354493607 7045.71354493607 
7045.71354493607 7045.71354493607 7045.71354493607 7045.71354493607 
7045.71354493607 7045.71354493607 7045.71354493607 7045.71354493607 
7045.71354493607 7045.71354493607 7045.71354493607 7045.71354493607 
7045.71354493607 7045.71354493607 7045.71354493607 7045.71354493607 
7045.71354493607 7045.71354493607 7045.71354493607 7045.71354493607 
7045.71354493607 7045.71354493607 7045.71354493607 7045.71354493607 
7045.71354493607 7045.71354493607 7045.71354493607 7045.71354493607 
7045.71354493607 7045.71354493607 7045.71354493607 7045.71354493607 
7045.71354493607 7045.71354493607 7045.71354493607 7045.71354493607
##$RECO_byte_order=littleEndian
$$ @vis= RECO_transposition RECO_image_type RECO_wordtype RECO_map_mode
##$RECO_time=<2016-08-21T16:56:09,545-0400>
##$RECO_abs_time=(1471812969, 545, -240)
##$RECO_base_image_uid=( 65 )
<2.16.756.5.5.100.8323328.5938.1471812969.1>
##$RecoUserUpdate=Yes
##$RecoReverseSegment=0
##$RecoB0DemodOff=0
##$RecoB0DemodDelay=0
##$RecoFTOrder=( 1 )
-1
##$RecoHalfFT=( 1 )
No
$$ @vis= RECO_byte_order RecoUserUpdate RecoB0DemodOff RecoWindow RecoFTOrder
##$RecoHalfFTPos=( 1 )
2048
##$RecoCorrPhase=RecoCorrPhaseOff
##$RecoCorrPhaseRef=-1
##$RECO_map_user_slope=1
##$RECO_map_user_offset=0
##$RecoNumInputChan=1
$$ @vis= RecoHalfFT RecoHalfFTPos RecoCorrPhase RecoCorrPhaseRef RecoMap
##$RecoScaleChan=( 1 )
1
##$RecoPhaseChan=( 1 )
0
##$RecoCombineMode=AddImages
##$RecoSortDim=0
$$ @vis= RecoNumInputChan RecoScaleChan RecoPhaseChan RecoCombineMode
##$RecoSortSize=( 1 )
0
##$RecoSortRange=( 1 )
0
##$RecoSortSegment=( 1 )
0
##$RecoSortMaps=( 1 )
0
##$RecoGrappaAccelFactor=1
##$RecoGrappaKernelRead=0
##$RecoGrappaKernelPhase=0
##$RecoGrappaNumRefRead=0
##$RecoGrappaNumRefPhase=0
##$RecoGrappaIncludeRefLines=Yes
##$RecoGrappaReadCenter=0
##$RecoGrappaPhaseCenter=0
##$RecoGrappaTruncThresh=-1
##$RecoRegridN=Off
$$ @vis= RecoSortDim RecoSortGroup RecoGrappaAccelFactor RecoGrappaGroup
##$RecoStageNrPasses=3
##$RecoStagePasses=( 3 )
(<FIRSTPASS>, 0) (<PREPPASS>, 1) (<MAPPASS>, 2)
##$RecoStageNrNodes=43
$$ @vis= RecoRegridN RecoRegridNGroup RecoStageNrPasses RecoStagePasses
##$RecoStageNodes=( 43 )
(<job0>, 0, <RecoQueueSource 
Q0{initOnce=true;queueId=0;dim=2;procDim=1;sizes={4096,16}
;nr=40;dataRep=SIGNED;baseField=COMPLEX;wordSize=4}>) (<job0>, 0, 
<RecoProfileDisplayFilter 
D{isOnlineMode=true;isAcqDisp=true;cnt=2;ndx=0;ni=1;}>) (<job0>, 0, 
<RecoFileSink 
FS{jobNdx=0;writeAcqPars=true;filename="/opt/PV6.0.1/data/jia/20160719_155347_MEGAPRESS_Final_MouseInvivo_1_1/575/rawdata.job0"}>) (<job0>, 0, <RecoTeeFilter T>) (<job0>, 0, <RecoQueueSink QS{queueId=0}>) (<job0>, 0, <RecoProgressMonitorFilter PM>) (<job1>, 0, <RecoQueueSource Q0{initOnce=true;queueId=0;dim=2;procDim=1;sizes={136,16};nr=40;dataRep=SIGNED;baseField=COMPLEX;wordSize=4}>) (<job1>, 0, <RecoProfileDisplayFilter D{isOnlineMode=true;isAcqDisp=true;cnt=2;ndx=1;ni=1;}>) (<job1>, 0, <RecoFileSink FS{jobNdx=1;writeAcqPars=false;filename="/opt/PV6.0.1/data/jia/20160719_155347_MEGAPRESS_Final_MouseInvivo_1_1/575/rawdata.job1"}>) (<job1>, 0, <RecoTeeFilter T>) (<job1>, 0, <RecoQueueSink QS{queueId=0}>) (<job1>, 0, <RecoCastFilter Cfloat{dataRep=FLOAT;wordSize=8;}>) (<job1>, 0, <RecoDetermineB0Filter DB{width=\<ACQ_DriftCompFilterWidth\>;step=\<ACQ_DriftCompStep\>; sampleBW=\<ACQ_jobs[1].swh\>;B0Value=\<ACQ_DriftCompOffset\>;activeReceivers=1;debugFiles=0;}>) (<job1>, 0, <RecoCastFilter Cback{dataRep=SIGNED;wordSize=4;}>) (<job1>, 0, <RecoReloadB0Filter B0{B0Value=\<ACQ_DriftCompOffset\>;}>) (<input>, 0, <RecoFileSource FS0{initFromJob=0;procDim=1;numChan=1;contData=true;}>) (<input>, 0, <RecoQueueSink JQ0{queueId=0;initQueue=true;initOnce=true;}>) (<input>, 0, <RecoFileSource FS1{initFromJob=1;procDim=1;numChan=1;contData=true;}>) (<input>, 0, <RecoQueueSink JQ1{queueId=1;initQueue=true;initOnce=true;}>) (<compute>, 0, <RecoQueueSource Q0{initFromJob=0;queueId=0;initOnce=true;}>) (<compute>, 0, <RecoQueueSource JQ1{initFromJob=1;queueId=1;initOnce=true;}>) (<compute>, 0, <RecoBufferSink S0{procDim=1;frameDim=2;bufferId="FIRSTPASS0";memId="out0"}>) (<compute>, 0, <RecoCastFilter CAST0{dataRep=FLOAT; wordSize=8}>) (<compute>, 1, <RecoBufferSource Q0{procDim=1;frameDim=2;bufferId="FIRSTPASS0";memId="out0"}>) (<compute>, 1, <RecoBufferSink S0{procDim=1;frameDim=2;bufferId="PREPPASS0";memId="in0"}>) (<compute>, 1, <RecoMagnitudeFilter G0>) (<compute>, 1, <RecoMinMaxFilter M0{map_min=\<RECO_map_min\>;map_max=\<RECO_map_max\>;}>) (<compute>, 2, <RecoBufferSource Q0{procDim=1;frameDim=2;bufferId="PREPPASS0";memId="in0"}>) (<compute>, 2, <RecoQueueSink S0>) (<compute>, 2, <RecoMapFilter MAP0{symmetricMode=true;minima=\<RECO_minima\>;maxima=\<RECO_maxima\>;slope=\<RECO_map_slope\>;offset=\<RECO_map_offset\>;map_min=\<RECO_map_min\>;map_max=\<RECO_map_max\>;rangeMin=-32766.500000;rangeMax=32766.500000;perObjectMode=false;cutoffMode=true;}>) (<compute>, 2, <RecoCastFilter CAST0{dataRep=SIGNED;wordSize=2}>) (<output>, 2, <RecoQueueSource Q{procDim=1;initFromRECO=true;initOnce=true;}>) (<output>, 2, <RecoProfileDisplayFilter DISP{isRecoDisp=true;dim=1;}>) (<output>, 2, <RecoFileSink S{writePars=true;shuffle=false;filename="2dseq";numChans=1;}>) (<compute>, 0, <RecoAverageFilter AVE0{avList=\<AverageList\>; avListSize=1; nObj=1; newSize=\<RECO_ft_size\>;}>) (<compute>, 0, <RecoSpectCorrFilter SPECTCORR0{useNav = 1;refPoint = 68.000000;digShift = 68.000000;refcor = 1;refData = \<PVM_RefScan[0]\>;filterWidth = 0}>) (<compute>, 0, <RecoCastFilter JCAST0{dataRep=FLOAT;wordSize=8;}>) (<compute>, 1, <RecoFTShiftFilter FTS0{shift=0.5; winDirection=0; exponent=1}>) (<compute>, 1, <RecoFTFilter FT0{direction=0; exponent=1}>) (<compute>, 1, <RecoTeeFilter T0>) (<compute>, 1, <RecoCastFilter FILECAST0{wordSize=4; dataRep=SIGNED}>) (<compute>, 1, <RecoFileSink FSINK0{filename="/opt/PV6.0.1/data/jia/20160719_155347_MEGAPRESS_Final_MouseInvivo_1_1/575/fid";shuffle=true}>) (<compute>, 1, <RecoZfillFilter ZFILL0{fillingPosition=1.0; fixedSize=4096}>)
##$RecoStageNrEdges=35
##$RecoStageEdges=( 35 )
(<job0>, 0, <D-\>T>) (<job0>, 0, <T-\>FS>) (<job0>, 0, <T-\>QS>) (<job0>, 0, 
<PM-\>D>) (<job0>, 0, <Q0-\>PM>) (<job1>, 0, <Q0-\>D>) (<job1>, 0, <D-\>T>) 
(<job1>, 0, <T-\>QS>) (<job1>, 0, <T-\>Cfloat>) (<job1>, 0, <Cfloat-\>DB>) 
(<job1>, 0, <DB-\>Cback>) (<job1>, 0, <Cback-\>B0>) (<job1>, 0, <B0-\>FS>) 
(<input>, 0, <FS0-\>JQ0>) (<input>, 0, <FS1-\>JQ1>) (<compute>, 0, 
<Q0-\>CAST0>) (<compute>, 0, <AVE0-\>S0>) (<compute>, 1, <FT0-\>G0>) 
(<compute>, 1, <G0-\>M0>) (<compute>, 1, <M0-\>S0>) (<compute>, 2, <Q0-\>MAP0>
) (<compute>, 2, <MAP0-\>CAST0>) (<compute>, 2, <CAST0-\>S0>) (<output>, 2, 
<Q-\>DISP>) (<output>, 2, <DISP-\>S>) (<compute>, 0, <SPECTCORR0-\>AVE0>) 
(<compute>, 0, <CAST0-\>SPECTCORR0>) (<compute>, 0, <JQ1-\>JCAST0>) (<compute>
, 0, <JCAST0-\>SPECTCORR0>) (<compute>, 1, <T0-\>FTS0>) (<compute>, 1, 
<FTS0-\>FT0>) (<compute>, 1, <Q0-\>T0>) (<compute>, 1, <T0-\>FILECAST0>) 
(<compute>, 1, <FILECAST0-\>ZFILL0>) (<compute>, 1, <ZFILL0-\>FSINK0>)
$$ @vis= RecoStageNrNodes RecoStageNodes RecoStageNrEdges RecoStageEdges
##$GS_reco_display=Yes
##$GO_reco_display=Yes
##$GO_reco_each_nr=No
$$ @vis= RecoStageGroup RecoModeUser GS_reco_display RECO_GS GO_reco_display
##$GO_max_reco_mem=0
##$RecoPrototype=No
$$ @vis= GO_reco_each_nr GO_max_reco_mem RECO_GO RecoPrototype RECO
##END=
$$ File finished by PARX at 2016-08-21 16:56:09.547 -0400
