##TITLE=Parameter List, ParaVision 6.0.1
##JCAMPDX=4.24
##DATATYPE=Parameter Values
##ORIGIN=Bruker BioSpin MRI GmbH
##OWNER=jia
$$ 2016-08-16 20:59:48.285 -0400  jia@CZC4202Y88
$$ /opt/PV6.0.1/data/jia/20160719_155347_MEGAPRESS_Final_MouseInvivo_1_1/166/pdata/1/reco
$$ process /opt/PV6.0.1/prog/bin/parxserver
##$RECO_mode=USER_MODE
##$RecoAutoDerive=No
##$RecoDim=1
##$RecoObjectsPerRepetition=1
##$RecoObjectsPerSetupStep=1
$$ @vis= RECO_mode RecoAutoDerive RecoDim RecoObjectsPerRepetition
##$RecoNumRepetitions=40
##$RECO_inp_order=NO_REORDERING
##$RECO_inp_size=( 1 )
4096
$$ @vis= RecoObjectsPerSetupStep RecoNumRepetitions RECO_inp_order
##$RECO_ft_size=( 1 )
4096
##$RECO_fov=( 1 )
5.8
##$RECO_size=( 1 )
4096
##$RECO_offset=( 1, 1 )
0
##$RECO_regrid_mode=NO_REGRID
##$RECO_regrid_offset=0
##$RECO_ramp_gap=0
##$RECO_ramp_time=0
##$RECO_ne_mode=NO_NAV_DATA
##$RECO_ne_dist=NeNoInterleave
##$RECO_ne_dens=NeCorrPerScan
##$RECO_ne_type=NAV_PHASE
##$RECO_bc_mode=( 1 )
NO_BC
##$RECO_bc_start=( 1 )
3072
##$RECO_bc_len=( 1 )
1024
##$RECO_dc_offset=( 2 )
0 0
##$RECO_dc_divisor=1
##$RECO_bc_coroff=( 1 )
0
##$RECO_qopts=( 1 )
COMPLEX_CONJUGATE
##$RECO_wdw_mode=( 1 )
NO_WDW
$$ @vis= RECO_inp_size RECO_ft_size RECO_fov RECO_size RECO_ne_mode
##$RECO_lb=( 1 )
-0.5
##$RECO_sw=( 1 )
4098.36065573771
##$RECO_gb=( 1 )
0.5
##$RECO_sbs=( 1 )
1
##$RECO_tm1=( 1 )
0.25
##$RECO_tm2=( 1 )
0.75
##$RECO_ft_mode=( 1 )
COMPLEX_FT
##$RECO_pc_mode=( 1 )
NO_PC
##$RECO_pc_lin=( 1 )
(0, 0)
##$RECO_rotate=( 1, 1 )
0.5
##$RECO_ppc_mode=NO_PPC
##$RECO_ref_image=0
##$RECO_nr_supports=0.4
##$RECO_sig_threshold=0.15
##$RECO_ppc_degree=1
##$RECO_ppc_coeffs=( 1, 1, 2 )
0 0
##$RECO_dc_elim=Yes
##$RECO_transposition=( 1 )
0
$$ @vis= RECO_wdw_mode RECO_ft_mode RECO_pc_mode RECO_rotate
##$RECO_image_type=MAGNITUDE_IMAGE
##$RECO_image_threshold=0.15
##$RECO_ir_scale=10
##$RECO_wordtype=_16BIT_SGN_INT
##$RECO_map_mode=ABSOLUTE_MAPPING
##$RECO_map_range=( 2 )
-2147483647 2147483647
##$RECO_map_percentile=( 2 )
1 99.9
##$RECO_map_error=0.025
##$RECO_globex=( 40 )
0 0 0 0 0 0 0 0 0 0 0 0 0 0 0 0 0 0 0 0 0 0 0 0 0 0 0 0 0 0 0 0 0 0 0 0 0 0 0 
0
##$RECO_minima=( 40 )
81.7822030705542 47.3034425159871 103.74762832124 16.0750126151178 
103.676325182216 63.1500325142693 82.073854884371 25.763510522964 
32.3261692493788 54.7463990435322 92.3556740562892 31.2697753207983 
71.2837691019967 63.3743690921438 56.1036246951854 34.9565886986207 
71.6786966433808 63.2288085474468 29.9837414540196 57.4673451698127 
69.943883771006 101.761133858736 76.8216851250555 74.8771339743666 
82.8788831033125 67.7922335334916 115.140126735782 66.5620514116496 
127.122454616028 46.0191719745219 96.6626995182151 76.6962504604503 
50.2716300235616 95.5027626137039 16.3788537606711 84.3956287678327 
64.3349195777171 49.8028275169296 102.891813410179 64.5137565289063
##$RECO_maxima=( 40 )
28593.345876583 28635.4369537334 25411.8147345336 27685.2396257402 
28059.1494505642 31150.2593673178 30466.2627092269 26245.097412309 
28137.1800170992 28131.1876669504 28009.9342337302 25820.2616220121 
28652.5758952971 26660.8693774669 27954.6109060453 25328.7214333594 
28314.8362813629 27948.3981866612 26393.098548234 28818.1744155708 
24636.0172536314 29122.3530936497 27947.2676240884 30606.0347956713 
27019.7050781864 29819.1503613451 30520.832022189 28230.2958425384 
29183.9313951069 26970.4750706803 27979.8550951976 31432.1867187195 
31640.1150586057 28945.7314247454 29434.1531267689 29055.2285207177 32766.5 
32633.409334429 27902.4132556569 29253.4851057658
##$RECO_map_min=( 40 )
-6.23225472636451 -6.23225472636451 -6.23225472636451 -6.23225472636451 
-6.23225472636451 -6.23225472636451 -6.23225472636451 -6.23225472636451 
-6.23225472636451 -6.23225472636451 -6.23225472636451 -6.23225472636451 
-6.23225472636451 -6.23225472636451 -6.23225472636451 -6.23225472636451 
-6.23225472636451 -6.23225472636451 -6.23225472636451 -6.23225472636451 
-6.23225472636451 -6.23225472636451 -6.23225472636451 -6.23225472636451 
-6.23225472636451 -6.23225472636451 -6.23225472636451 -6.23225472636451 
-6.23225472636451 -6.23225472636451 -6.23225472636451 -6.23225472636451 
-6.23225472636451 -6.23225472636451 -6.23225472636451 -6.23225472636451 
-6.23225472636451 -6.23225472636451 -6.23225472636451 -6.23225472636451
##$RECO_map_max=( 40 )
6.23225472636451 6.23225472636451 6.23225472636451 6.23225472636451 
6.23225472636451 6.23225472636451 6.23225472636451 6.23225472636451 
6.23225472636451 6.23225472636451 6.23225472636451 6.23225472636451 
6.23225472636451 6.23225472636451 6.23225472636451 6.23225472636451 
6.23225472636451 6.23225472636451 6.23225472636451 6.23225472636451 
6.23225472636451 6.23225472636451 6.23225472636451 6.23225472636451 
6.23225472636451 6.23225472636451 6.23225472636451 6.23225472636451 
6.23225472636451 6.23225472636451 6.23225472636451 6.23225472636451 
6.23225472636451 6.23225472636451 6.23225472636451 6.23225472636451 
6.23225472636451 6.23225472636451 6.23225472636451 6.23225472636451
##$RECO_map_offset=( 40 )
0 0 0 0 0 0 0 0 0 0 0 0 0 0 0 0 0 0 0 0 0 0 0 0 0 0 0 0 0 0 0 0 0 0 0 0 0 0 0 
0
##$RECO_map_slope=( 40 )
5257.5675158762 5257.5675158762 5257.5675158762 5257.5675158762 
5257.5675158762 5257.5675158762 5257.5675158762 5257.5675158762 
5257.5675158762 5257.5675158762 5257.5675158762 5257.5675158762 
5257.5675158762 5257.5675158762 5257.5675158762 5257.5675158762 
5257.5675158762 5257.5675158762 5257.5675158762 5257.5675158762 
5257.5675158762 5257.5675158762 5257.5675158762 5257.5675158762 
5257.5675158762 5257.5675158762 5257.5675158762 5257.5675158762 
5257.5675158762 5257.5675158762 5257.5675158762 5257.5675158762 
5257.5675158762 5257.5675158762 5257.5675158762 5257.5675158762 
5257.5675158762 5257.5675158762 5257.5675158762 5257.5675158762
##$RECO_byte_order=littleEndian
$$ @vis= RECO_transposition RECO_image_type RECO_wordtype RECO_map_mode
##$RECO_time=<2016-08-16T20:59:48,283-0400>
##$RECO_abs_time=(1471395588, 283, -240)
##$RECO_base_image_uid=( 65 )
<2.16.756.5.5.100.8323328.19514.1471395588.1>
##$RecoUserUpdate=Yes
##$RecoReverseSegment=0
##$RecoB0DemodOff=0
##$RecoB0DemodDelay=0
##$RecoFTOrder=( 1 )
-1
##$RecoHalfFT=( 1 )
No
$$ @vis= RECO_byte_order RecoUserUpdate RecoB0DemodOff RecoWindow RecoFTOrder
##$RecoHalfFTPos=( 1 )
2048
##$RecoCorrPhase=RecoCorrPhaseOff
##$RecoCorrPhaseRef=-1
##$RECO_map_user_slope=1
##$RECO_map_user_offset=0
##$RecoNumInputChan=1
$$ @vis= RecoHalfFT RecoHalfFTPos RecoCorrPhase RecoCorrPhaseRef RecoMap
##$RecoScaleChan=( 1 )
1
##$RecoPhaseChan=( 1 )
0
##$RecoCombineMode=AddImages
##$RecoSortDim=0
$$ @vis= RecoNumInputChan RecoScaleChan RecoPhaseChan RecoCombineMode
##$RecoSortSize=( 1 )
0
##$RecoSortRange=( 1 )
0
##$RecoSortSegment=( 1 )
0
##$RecoSortMaps=( 1 )
0
##$RecoGrappaAccelFactor=1
##$RecoGrappaKernelRead=0
##$RecoGrappaKernelPhase=0
##$RecoGrappaNumRefRead=0
##$RecoGrappaNumRefPhase=0
##$RecoGrappaIncludeRefLines=Yes
##$RecoGrappaReadCenter=0
##$RecoGrappaPhaseCenter=0
##$RecoGrappaTruncThresh=-1
##$RecoRegridN=Off
$$ @vis= RecoSortDim RecoSortGroup RecoGrappaAccelFactor RecoGrappaGroup
##$RecoStageNrPasses=3
##$RecoStagePasses=( 3 )
(<FIRSTPASS>, 0) (<PREPPASS>, 1) (<MAPPASS>, 2)
##$RecoStageNrNodes=43
$$ @vis= RecoRegridN RecoRegridNGroup RecoStageNrPasses RecoStagePasses
##$RecoStageNodes=( 43 )
(<job0>, 0, <RecoQueueSource 
Q0{initOnce=true;queueId=0;dim=2;procDim=1;sizes={4096,16}
;nr=40;dataRep=SIGNED;baseField=COMPLEX;wordSize=4}>) (<job0>, 0, 
<RecoProfileDisplayFilter 
D{isOnlineMode=true;isAcqDisp=true;cnt=2;ndx=0;ni=1;}>) (<job0>, 0, 
<RecoFileSink 
FS{jobNdx=0;writeAcqPars=true;filename="/opt/PV6.0.1/data/jia/20160719_155347_MEGAPRESS_Final_MouseInvivo_1_1/166/rawdata.job0"}>) (<job0>, 0, <RecoTeeFilter T>) (<job0>, 0, <RecoQueueSink QS{queueId=0}>) (<job0>, 0, <RecoProgressMonitorFilter PM>) (<job1>, 0, <RecoQueueSource Q0{initOnce=true;queueId=0;dim=2;procDim=1;sizes={136,16};nr=40;dataRep=SIGNED;baseField=COMPLEX;wordSize=4}>) (<job1>, 0, <RecoProfileDisplayFilter D{isOnlineMode=true;isAcqDisp=true;cnt=2;ndx=1;ni=1;}>) (<job1>, 0, <RecoFileSink FS{jobNdx=1;writeAcqPars=false;filename="/opt/PV6.0.1/data/jia/20160719_155347_MEGAPRESS_Final_MouseInvivo_1_1/166/rawdata.job1"}>) (<job1>, 0, <RecoTeeFilter T>) (<job1>, 0, <RecoQueueSink QS{queueId=0}>) (<job1>, 0, <RecoCastFilter Cfloat{dataRep=FLOAT;wordSize=8;}>) (<job1>, 0, <RecoDetermineB0Filter DB{width=\<ACQ_DriftCompFilterWidth\>;step=\<ACQ_DriftCompStep\>; sampleBW=\<ACQ_jobs[1].swh\>;B0Value=\<ACQ_DriftCompOffset\>;activeReceivers=1;debugFiles=0;}>) (<job1>, 0, <RecoCastFilter Cback{dataRep=SIGNED;wordSize=4;}>) (<job1>, 0, <RecoReloadB0Filter B0{B0Value=\<ACQ_DriftCompOffset\>;}>) (<input>, 0, <RecoFileSource FS0{initFromJob=0;procDim=1;numChan=1;contData=true;}>) (<input>, 0, <RecoQueueSink JQ0{queueId=0;initQueue=true;initOnce=true;}>) (<input>, 0, <RecoFileSource FS1{initFromJob=1;procDim=1;numChan=1;contData=true;}>) (<input>, 0, <RecoQueueSink JQ1{queueId=1;initQueue=true;initOnce=true;}>) (<compute>, 0, <RecoQueueSource Q0{initFromJob=0;queueId=0;initOnce=true;}>) (<compute>, 0, <RecoQueueSource JQ1{initFromJob=1;queueId=1;initOnce=true;}>) (<compute>, 0, <RecoBufferSink S0{procDim=1;frameDim=2;bufferId="FIRSTPASS0";memId="out0"}>) (<compute>, 0, <RecoCastFilter CAST0{dataRep=FLOAT; wordSize=8}>) (<compute>, 1, <RecoBufferSource Q0{procDim=1;frameDim=2;bufferId="FIRSTPASS0";memId="out0"}>) (<compute>, 1, <RecoBufferSink S0{procDim=1;frameDim=2;bufferId="PREPPASS0";memId="in0"}>) (<compute>, 1, <RecoMagnitudeFilter G0>) (<compute>, 1, <RecoMinMaxFilter M0{map_min=\<RECO_map_min\>;map_max=\<RECO_map_max\>;}>) (<compute>, 2, <RecoBufferSource Q0{procDim=1;frameDim=2;bufferId="PREPPASS0";memId="in0"}>) (<compute>, 2, <RecoQueueSink S0>) (<compute>, 2, <RecoMapFilter MAP0{symmetricMode=true;minima=\<RECO_minima\>;maxima=\<RECO_maxima\>;slope=\<RECO_map_slope\>;offset=\<RECO_map_offset\>;map_min=\<RECO_map_min\>;map_max=\<RECO_map_max\>;rangeMin=-32766.500000;rangeMax=32766.500000;perObjectMode=false;cutoffMode=true;}>) (<compute>, 2, <RecoCastFilter CAST0{dataRep=SIGNED;wordSize=2}>) (<output>, 2, <RecoQueueSource Q{procDim=1;initFromRECO=true;initOnce=true;}>) (<output>, 2, <RecoProfileDisplayFilter DISP{isRecoDisp=true;dim=1;}>) (<output>, 2, <RecoFileSink S{writePars=true;shuffle=false;filename="2dseq";numChans=1;}>) (<compute>, 0, <RecoAverageFilter AVE0{avList=\<AverageList\>; avListSize=1; nObj=1; newSize=\<RECO_ft_size\>;}>) (<compute>, 0, <RecoSpectCorrFilter SPECTCORR0{useNav = 1;refPoint = 68.000000;digShift = 68.000000;refcor = 1;refData = \<PVM_RefScan[0]\>;filterWidth = 0}>) (<compute>, 0, <RecoCastFilter JCAST0{dataRep=FLOAT;wordSize=8;}>) (<compute>, 1, <RecoFTShiftFilter FTS0{shift=0.5; winDirection=0; exponent=1}>) (<compute>, 1, <RecoFTFilter FT0{direction=0; exponent=1}>) (<compute>, 1, <RecoTeeFilter T0>) (<compute>, 1, <RecoCastFilter FILECAST0{wordSize=4; dataRep=SIGNED}>) (<compute>, 1, <RecoFileSink FSINK0{filename="/opt/PV6.0.1/data/jia/20160719_155347_MEGAPRESS_Final_MouseInvivo_1_1/166/fid";shuffle=true}>) (<compute>, 1, <RecoZfillFilter ZFILL0{fillingPosition=1.0; fixedSize=4096}>)
##$RecoStageNrEdges=35
##$RecoStageEdges=( 35 )
(<job0>, 0, <D-\>T>) (<job0>, 0, <T-\>FS>) (<job0>, 0, <T-\>QS>) (<job0>, 0, 
<PM-\>D>) (<job0>, 0, <Q0-\>PM>) (<job1>, 0, <Q0-\>D>) (<job1>, 0, <D-\>T>) 
(<job1>, 0, <T-\>QS>) (<job1>, 0, <T-\>Cfloat>) (<job1>, 0, <Cfloat-\>DB>) 
(<job1>, 0, <DB-\>Cback>) (<job1>, 0, <Cback-\>B0>) (<job1>, 0, <B0-\>FS>) 
(<input>, 0, <FS0-\>JQ0>) (<input>, 0, <FS1-\>JQ1>) (<compute>, 0, 
<Q0-\>CAST0>) (<compute>, 0, <AVE0-\>S0>) (<compute>, 1, <FT0-\>G0>) 
(<compute>, 1, <G0-\>M0>) (<compute>, 1, <M0-\>S0>) (<compute>, 2, <Q0-\>MAP0>
) (<compute>, 2, <MAP0-\>CAST0>) (<compute>, 2, <CAST0-\>S0>) (<output>, 2, 
<Q-\>DISP>) (<output>, 2, <DISP-\>S>) (<compute>, 0, <SPECTCORR0-\>AVE0>) 
(<compute>, 0, <CAST0-\>SPECTCORR0>) (<compute>, 0, <JQ1-\>JCAST0>) (<compute>
, 0, <JCAST0-\>SPECTCORR0>) (<compute>, 1, <T0-\>FTS0>) (<compute>, 1, 
<FTS0-\>FT0>) (<compute>, 1, <Q0-\>T0>) (<compute>, 1, <T0-\>FILECAST0>) 
(<compute>, 1, <FILECAST0-\>ZFILL0>) (<compute>, 1, <ZFILL0-\>FSINK0>)
$$ @vis= RecoStageNrNodes RecoStageNodes RecoStageNrEdges RecoStageEdges
##$GS_reco_display=Yes
##$GO_reco_display=Yes
##$GO_reco_each_nr=No
$$ @vis= RecoStageGroup RecoModeUser GS_reco_display RECO_GS GO_reco_display
##$GO_max_reco_mem=0
##$RecoPrototype=No
$$ @vis= GO_reco_each_nr GO_max_reco_mem RECO_GO RecoPrototype RECO
##END=
$$ File finished by PARX at 2016-08-16 20:59:48.285 -0400
