##TITLE=Parameter List, ParaVision 6.0.1
##JCAMPDX=4.24
##DATATYPE=Parameter Values
##ORIGIN=Bruker BioSpin MRI GmbH
##OWNER=jia
$$ 2016-08-16 09:57:09.262 -0400  jia@CZC4202Y88
$$ /opt/PV6.0.1/data/jia/20160719_155347_MEGAPRESS_Final_MouseInvivo_1_1/47/pdata/1/reco
$$ process /opt/PV6.0.1/prog/bin/parxserver
##$RECO_mode=USER_MODE
##$RecoAutoDerive=No
##$RecoDim=1
##$RecoObjectsPerRepetition=1
##$RecoObjectsPerSetupStep=1
$$ @vis= RECO_mode RecoAutoDerive RecoDim RecoObjectsPerRepetition
##$RecoNumRepetitions=32
##$RECO_inp_order=NO_REORDERING
##$RECO_inp_size=( 1 )
4096
$$ @vis= RecoObjectsPerSetupStep RecoNumRepetitions RECO_inp_order
##$RECO_ft_size=( 1 )
4096
##$RECO_fov=( 1 )
5.8
##$RECO_size=( 1 )
4096
##$RECO_offset=( 1, 1 )
0
##$RECO_regrid_mode=NO_REGRID
##$RECO_regrid_offset=0
##$RECO_ramp_gap=0
##$RECO_ramp_time=0
##$RECO_ne_mode=NO_NAV_DATA
##$RECO_ne_dist=NeNoInterleave
##$RECO_ne_dens=NeCorrPerScan
##$RECO_ne_type=NAV_PHASE
##$RECO_bc_mode=( 1 )
NO_BC
##$RECO_bc_start=( 1 )
3072
##$RECO_bc_len=( 1 )
1024
##$RECO_dc_offset=( 2 )
0 0
##$RECO_dc_divisor=1
##$RECO_bc_coroff=( 1 )
0
##$RECO_qopts=( 1 )
COMPLEX_CONJUGATE
##$RECO_wdw_mode=( 1 )
NO_WDW
$$ @vis= RECO_inp_size RECO_ft_size RECO_fov RECO_size RECO_ne_mode
##$RECO_lb=( 1 )
-0.5
##$RECO_sw=( 1 )
4098.36065573771
##$RECO_gb=( 1 )
0.5
##$RECO_sbs=( 1 )
1
##$RECO_tm1=( 1 )
0.25
##$RECO_tm2=( 1 )
0.75
##$RECO_ft_mode=( 1 )
COMPLEX_FT
##$RECO_pc_mode=( 1 )
NO_PC
##$RECO_pc_lin=( 1 )
(0, 0)
##$RECO_rotate=( 1, 1 )
0.5
##$RECO_ppc_mode=NO_PPC
##$RECO_ref_image=0
##$RECO_nr_supports=0.4
##$RECO_sig_threshold=0.15
##$RECO_ppc_degree=1
##$RECO_ppc_coeffs=( 1, 1, 2 )
0 0
##$RECO_dc_elim=Yes
##$RECO_transposition=( 1 )
0
$$ @vis= RECO_wdw_mode RECO_ft_mode RECO_pc_mode RECO_rotate
##$RECO_image_type=MAGNITUDE_IMAGE
##$RECO_image_threshold=0.15
##$RECO_ir_scale=10
##$RECO_wordtype=_16BIT_SGN_INT
##$RECO_map_mode=ABSOLUTE_MAPPING
##$RECO_map_range=( 2 )
-2147483647 2147483647
##$RECO_map_percentile=( 2 )
1 99.9
##$RECO_map_error=0.025
##$RECO_globex=( 32 )
0 0 0 0 0 0 0 0 0 0 0 0 0 0 0 0 0 0 0 0 0 0 0 0 0 0 0 0 0 0 0 0
##$RECO_minima=( 32 )
98.4122297361651 47.8215276214804 46.4762486920916 69.7060144989867 
62.613681428135 119.936223936032 91.0698185837534 71.1211527473365 
103.660193896964 136.223645211263 35.3414501361517 65.0774981180704 
28.0442258917525 82.6118093979586 68.2332460030521 75.3059078629569 
108.339333081121 78.8084073040368 110.962986282718 138.894258197209 
114.435965753539 56.9300563825946 11.7873004935671 137.125908940268 
89.5498867775046 155.177815158985 133.322662355827 91.5669816052579 
114.791879367228 190.513988699724 79.2443298046109 92.4564896530284
##$RECO_maxima=( 32 )
27900.0980564872 27037.942023491 24625.9830124401 28026.2886211463 
29160.0900356748 27969.5893192161 29277.3297884419 26926.3096514861 
31100.222729938 26496.0203528021 29887.4642943518 27523.3985964933 
31401.6578224613 25093.5507307447 25217.6216521286 26674.5046599104 
25785.3038352247 28370.798798519 31025.2664132006 28493.3053312401 
29277.0761101969 29856.2912993891 27330.271834283 29143.672569932 
28420.0644135702 29628.4484027932 27967.4493284262 27166.5226892572 
28156.0757077944 32766.5 28713.5773970127 28639.1878759138
##$RECO_map_min=( 32 )
-5.19993300779443 -5.19993300779443 -5.19993300779443 -5.19993300779443 
-5.19993300779443 -5.19993300779443 -5.19993300779443 -5.19993300779443 
-5.19993300779443 -5.19993300779443 -5.19993300779443 -5.19993300779443 
-5.19993300779443 -5.19993300779443 -5.19993300779443 -5.19993300779443 
-5.19993300779443 -5.19993300779443 -5.19993300779443 -5.19993300779443 
-5.19993300779443 -5.19993300779443 -5.19993300779443 -5.19993300779443 
-5.19993300779443 -5.19993300779443 -5.19993300779443 -5.19993300779443 
-5.19993300779443 -5.19993300779443 -5.19993300779443 -5.19993300779443
##$RECO_map_max=( 32 )
5.19993300779443 5.19993300779443 5.19993300779443 5.19993300779443 
5.19993300779443 5.19993300779443 5.19993300779443 5.19993300779443 
5.19993300779443 5.19993300779443 5.19993300779443 5.19993300779443 
5.19993300779443 5.19993300779443 5.19993300779443 5.19993300779443 
5.19993300779443 5.19993300779443 5.19993300779443 5.19993300779443 
5.19993300779443 5.19993300779443 5.19993300779443 5.19993300779443 
5.19993300779443 5.19993300779443 5.19993300779443 5.19993300779443 
5.19993300779443 5.19993300779443 5.19993300779443 5.19993300779443
##$RECO_map_offset=( 32 )
0 0 0 0 0 0 0 0 0 0 0 0 0 0 0 0 0 0 0 0 0 0 0 0 0 0 0 0 0 0 0 0
##$RECO_map_slope=( 32 )
6301.33118078343 6301.33118078343 6301.33118078343 6301.33118078343 
6301.33118078343 6301.33118078343 6301.33118078343 6301.33118078343 
6301.33118078343 6301.33118078343 6301.33118078343 6301.33118078343 
6301.33118078343 6301.33118078343 6301.33118078343 6301.33118078343 
6301.33118078343 6301.33118078343 6301.33118078343 6301.33118078343 
6301.33118078343 6301.33118078343 6301.33118078343 6301.33118078343 
6301.33118078343 6301.33118078343 6301.33118078343 6301.33118078343 
6301.33118078343 6301.33118078343 6301.33118078343 6301.33118078343
##$RECO_byte_order=littleEndian
$$ @vis= RECO_transposition RECO_image_type RECO_wordtype RECO_map_mode
##$RECO_time=<2016-08-16T09:57:09,261-0400>
##$RECO_abs_time=(1471355829, 261, -240)
##$RECO_base_image_uid=( 65 )
<2.16.756.5.5.100.8323328.14365.1471355829.1>
##$RecoUserUpdate=Yes
##$RecoReverseSegment=0
##$RecoB0DemodOff=0
##$RecoB0DemodDelay=0
##$RecoFTOrder=( 1 )
-1
##$RecoHalfFT=( 1 )
No
$$ @vis= RECO_byte_order RecoUserUpdate RecoB0DemodOff RecoWindow RecoFTOrder
##$RecoHalfFTPos=( 1 )
2048
##$RecoCorrPhase=RecoCorrPhaseOff
##$RecoCorrPhaseRef=-1
##$RECO_map_user_slope=1
##$RECO_map_user_offset=0
##$RecoNumInputChan=1
$$ @vis= RecoHalfFT RecoHalfFTPos RecoCorrPhase RecoCorrPhaseRef RecoMap
##$RecoScaleChan=( 1 )
1
##$RecoPhaseChan=( 1 )
0
##$RecoCombineMode=AddImages
##$RecoSortDim=0
$$ @vis= RecoNumInputChan RecoScaleChan RecoPhaseChan RecoCombineMode
##$RecoSortSize=( 1 )
0
##$RecoSortRange=( 1 )
0
##$RecoSortSegment=( 1 )
0
##$RecoSortMaps=( 1 )
0
##$RecoGrappaAccelFactor=1
##$RecoGrappaKernelRead=0
##$RecoGrappaKernelPhase=0
##$RecoGrappaNumRefRead=0
##$RecoGrappaNumRefPhase=0
##$RecoGrappaIncludeRefLines=Yes
##$RecoGrappaReadCenter=0
##$RecoGrappaPhaseCenter=0
##$RecoGrappaTruncThresh=-1
##$RecoRegridN=Off
$$ @vis= RecoSortDim RecoSortGroup RecoGrappaAccelFactor RecoGrappaGroup
##$RecoStageNrPasses=3
##$RecoStagePasses=( 3 )
(<FIRSTPASS>, 0) (<PREPPASS>, 1) (<MAPPASS>, 2)
##$RecoStageNrNodes=39
$$ @vis= RecoRegridN RecoRegridNGroup RecoStageNrPasses RecoStagePasses
##$RecoStageNodes=( 39 )
(<job0>, 0, <RecoQueueSource 
Q0{initOnce=true;queueId=0;dim=2;procDim=1;sizes={4096,16}
;nr=32;dataRep=SIGNED;baseField=COMPLEX;wordSize=4}>) (<job0>, 0, 
<RecoProfileDisplayFilter 
D{isOnlineMode=true;isAcqDisp=true;cnt=2;ndx=0;ni=1;}>) (<job0>, 0, 
<RecoFileSink 
FS{jobNdx=0;writeAcqPars=true;filename="/opt/PV6.0.1/data/jia/20160719_155347_MEGAPRESS_Final_MouseInvivo_1_1/47/rawdata.job0"}>) (<job0>, 0, <RecoTeeFilter T>) (<job0>, 0, <RecoQueueSink QS{queueId=0}>) (<job0>, 0, <RecoProgressMonitorFilter PM>) (<job1>, 0, <RecoQueueSource Q0{initOnce=true;queueId=0;dim=2;procDim=1;sizes={136,16};nr=32;dataRep=SIGNED;baseField=COMPLEX;wordSize=4}>) (<job1>, 0, <RecoProfileDisplayFilter D{isOnlineMode=true;isAcqDisp=true;cnt=2;ndx=1;ni=1;}>) (<job1>, 0, <RecoFileSink FS{jobNdx=1;writeAcqPars=false;filename="/opt/PV6.0.1/data/jia/20160719_155347_MEGAPRESS_Final_MouseInvivo_1_1/47/rawdata.job1"}>) (<job1>, 0, <RecoTeeFilter T>) (<job1>, 0, <RecoQueueSink QS{queueId=0}>) (<input>, 0, <RecoFileSource FS0{initFromJob=0;procDim=1;numChan=1;contData=true;}>) (<input>, 0, <RecoQueueSink JQ0{queueId=0;initQueue=true;initOnce=true;}>) (<input>, 0, <RecoFileSource FS1{initFromJob=1;procDim=1;numChan=1;contData=true;}>) (<input>, 0, <RecoQueueSink JQ1{queueId=1;initQueue=true;initOnce=true;}>) (<compute>, 0, <RecoQueueSource Q0{initFromJob=0;queueId=0;initOnce=true;}>) (<compute>, 0, <RecoQueueSource JQ1{initFromJob=1;queueId=1;initOnce=true;}>) (<compute>, 0, <RecoBufferSink S0{procDim=1;frameDim=2;bufferId="FIRSTPASS0";memId="out0"}>) (<compute>, 0, <RecoCastFilter CAST0{dataRep=FLOAT; wordSize=8}>) (<compute>, 1, <RecoBufferSource Q0{procDim=1;frameDim=2;bufferId="FIRSTPASS0";memId="out0"}>) (<compute>, 1, <RecoBufferSink S0{procDim=1;frameDim=2;bufferId="PREPPASS0";memId="in0"}>) (<compute>, 1, <RecoMagnitudeFilter G0>) (<compute>, 1, <RecoMinMaxFilter M0{map_min=\<RECO_map_min\>;map_max=\<RECO_map_max\>;}>) (<compute>, 2, <RecoBufferSource Q0{procDim=1;frameDim=2;bufferId="PREPPASS0";memId="in0"}>) (<compute>, 2, <RecoQueueSink S0>) (<compute>, 2, <RecoMapFilter MAP0{symmetricMode=true;minima=\<RECO_minima\>;maxima=\<RECO_maxima\>;slope=\<RECO_map_slope\>;offset=\<RECO_map_offset\>;map_min=\<RECO_map_min\>;map_max=\<RECO_map_max\>;rangeMin=-32766.500000;rangeMax=32766.500000;perObjectMode=false;cutoffMode=true;}>) (<compute>, 2, <RecoCastFilter CAST0{dataRep=SIGNED;wordSize=2}>) (<output>, 2, <RecoQueueSource Q{procDim=1;initFromRECO=true;initOnce=true;}>) (<output>, 2, <RecoProfileDisplayFilter DISP{isRecoDisp=true;dim=1;}>) (<output>, 2, <RecoFileSink S{writePars=true;shuffle=false;filename="2dseq";numChans=1;}>) (<compute>, 0, <RecoAverageFilter AVE0{avList=\<AverageList\>; avListSize=1; nObj=1; newSize=\<RECO_ft_size\>;}>) (<compute>, 0, <RecoSpectCorrFilter SPECTCORR0{useNav = 1;refPoint = 68.000000;digShift = 68.000000;refcor = 1;refData = \<PVM_RefScan[0]\>;filterWidth = 0}>) (<compute>, 0, <RecoCastFilter JCAST0{dataRep=FLOAT;wordSize=8;}>) (<compute>, 1, <RecoFTShiftFilter FTS0{shift=0.5; winDirection=0; exponent=1}>) (<compute>, 1, <RecoFTFilter FT0{direction=0; exponent=1}>) (<compute>, 1, <RecoTeeFilter T0>) (<compute>, 1, <RecoCastFilter FILECAST0{wordSize=4; dataRep=SIGNED}>) (<compute>, 1, <RecoFileSink FSINK0{filename="/opt/PV6.0.1/data/jia/20160719_155347_MEGAPRESS_Final_MouseInvivo_1_1/47/fid";shuffle=true}>) (<compute>, 1, <RecoZfillFilter ZFILL0{fillingPosition=1.0; fixedSize=4096}>)
##$RecoStageNrEdges=31
##$RecoStageEdges=( 31 )
(<job0>, 0, <D-\>T>) (<job0>, 0, <T-\>FS>) (<job0>, 0, <T-\>QS>) (<job0>, 0, 
<PM-\>D>) (<job0>, 0, <Q0-\>PM>) (<job1>, 0, <Q0-\>D>) (<job1>, 0, <D-\>T>) 
(<job1>, 0, <T-\>FS>) (<job1>, 0, <T-\>QS>) (<input>, 0, <FS0-\>JQ0>) (<input>
, 0, <FS1-\>JQ1>) (<compute>, 0, <Q0-\>CAST0>) (<compute>, 0, <AVE0-\>S0>) 
(<compute>, 1, <FT0-\>G0>) (<compute>, 1, <G0-\>M0>) (<compute>, 1, <M0-\>S0>)
 (<compute>, 2, <Q0-\>MAP0>) (<compute>, 2, <MAP0-\>CAST0>) (<compute>, 2, 
<CAST0-\>S0>) (<output>, 2, <Q-\>DISP>) (<output>, 2, <DISP-\>S>) (<compute>, 
0, <SPECTCORR0-\>AVE0>) (<compute>, 0, <CAST0-\>SPECTCORR0>) (<compute>, 0, 
<JQ1-\>JCAST0>) (<compute>, 0, <JCAST0-\>SPECTCORR0>) (<compute>, 1, 
<T0-\>FTS0>) (<compute>, 1, <FTS0-\>FT0>) (<compute>, 1, <Q0-\>T0>) (<compute>
, 1, <T0-\>FILECAST0>) (<compute>, 1, <FILECAST0-\>ZFILL0>) (<compute>, 1, 
<ZFILL0-\>FSINK0>)
$$ @vis= RecoStageNrNodes RecoStageNodes RecoStageNrEdges RecoStageEdges
##$GS_reco_display=Yes
##$GO_reco_display=Yes
##$GO_reco_each_nr=No
$$ @vis= RecoStageGroup RecoModeUser GS_reco_display RECO_GS GO_reco_display
##$GO_max_reco_mem=0
##$RecoPrototype=No
$$ @vis= GO_reco_each_nr GO_max_reco_mem RECO_GO RecoPrototype RECO
##END=
$$ File finished by PARX at 2016-08-16 09:57:09.263 -0400
