##TITLE=Parameter List, ParaVision 6.0.1
##JCAMPDX=4.24
##DATATYPE=Parameter Values
##ORIGIN=Bruker BioSpin MRI GmbH
##OWNER=jia
$$ 2016-08-16 09:57:09.696 -0400  jia@CZC4202Y88
$$ /opt/PV6.0.1/data/jia/20160719_155347_MEGAPRESS_Final_MouseInvivo_1_1/47/acqp
$$ process /opt/PV6.0.1/prog/bin/parxserver
##$PULPROG=( 32 )
<megaPRESS.ppg>
##$GRDPROG=( 16 )
<>
##$ACQ_experiment_mode=SingleExperiment
##$ACQ_PexSelect=0
##$ACQ_load_shim_set_list=No
##$ACQ_user_filter=No
$$ @vis= PULPROG GRDPROG ACQ_experiment_mode ACQ_load_shim_set_list
##$ACQ_DS_enabled=No
##$ACQ_switch_pll_enabled=No
##$ACQ_preload=0
##$ACQ_branch_preload=( 10, 2 )
1000000 1000000 1000000 1000000 1000000 1000000 1000000 1000000 1000000 
1000000 1000000 1000000 1000000 1000000 1000000 1000000 1000000 1000000 500 
500
$$ @vis= ACQ_user_filter ACQ_DS_enabled ACQ_switch_pll_enabled ACQ_preload
##$ACQ_jobs_size=2
##$ACQ_jobs=( 2 )
(8192, 1, 2, 512, 101, 4098.36065573771, 0, 512) (272, 1, 2, 512, 101, 
4098.36065573771, -1, 512)
##$ACQ_dim=1
##$ACQ_dim_desc=( 1 )
Spectroscopic
##$ACQ_size=( 1 )
8192
$$ @vis= ACQ_branch_preload ACQ_jobs_size ACQ_jobs ACQ_dim ACQ_dim_desc
##$ACQ_ns_list_size=1
##$ACQ_ns=1
##$ACQ_ns_list=( 1 )
1
##$ACQ_phase_factor=1
##$ACQ_scan_size=One_scan
$$ @vis= ACQ_size ACQ_ns_list_size ACQ_ns ACQ_ns_list ACQ_phase_factor
##$NI=1
##$NA=1
##$NAE=1
##$NR=32
##$DS=2
##$D=( 64 )
0 0.211462955430006 0 0 0.00016 0 2.5e-05 0.000160000000000001 0.00154 
0.00073388888888889 0.00171 0.00016 0 0.0288135593220339 0 0 0 0 0 0 0 0 0 0 
0 0 0 0 0 0 0 0 0 0 0 0 0 0 0 0 0 0 0 0 0 0 0 0 0 0 0 0 0 0 0 0 0 0 0 0 0 0 0 
0
##$P=( 64 )
548 777.777777777778 629.62962962963 629.62962962963 28813.5593220339 0 0 0 0 
0 0 0 0 0 0 0 0 0 0 0 0 0 0 0 0 0 0 0 0 0 0 0 0 0 0 0 0 0 0 0 0 0 0 0 0 0 0 0 
0 0 0 0 0 0 0 0 0 0 0 0 0 0 0 0
##$PLW=( 64 )
0 0 0 0 0 0 0 0 0 0 0 0 0 0 0 0 0 0 0 0 0 0 0 0 0 0 0 0 0 0 0 0 0 0 0 0 0 0 0 
0 0 0 0 0 0 0 0 0 0 0 0 0 0 0 0 0 0 0 0 0 0 0 0 0
##$SPPEX=( 64 )
0 0 0 0 0 0 0 0 0 0 0 0 0 0 0 0 0 0 0 0 0 0 0 0 0 0 0 0 0 0 0 0 0 0 0 0 0 0 0 
0 0 0 0 0 0 0 0 0 0 0 0 0 0 0 0 0 0 0 0 0 0 0 0 0
##$ACQ_RfShapes=( 64 )
(<gauss.exc>, 0.000122741468207735, 0, 0.5, 0, 100 100 100 100 100 100 100 
100, 0 0 0 0 0 0 0 0) (<$VoxPul1Shape>, 1.54758666935869, 0, 0.5, 0, 100 100 
100 100 100 100 100 100, 0 0 0 0 0 0 0 0) (<$VoxPul2Shape>, 18.5161782727002, 
0, 0, 0, 100 100 100 100 100 100 100 100, 0 0 0 0 0 0 0 0) (<$VoxPul3Shape>, 
18.5161782727002, 0, 0, 0, 100 100 100 100 100 100 100 100, 0 0 0 0 0 0 0 0) 
(<$PulqShape>, 0.00884153862376809, 0, 0, 0, 100 100 100 100 100 100 100 100, 
0 0 0 0 0 0 0 0) (<>, 0, 0, 0.5, 0, 0 0 0 0 0 0 0 0, 0 0 0 0 0 0 0 0) (<>, 0, 
0, 0.5, 0, 0 0 0 0 0 0 0 0, 0 0 0 0 0 0 0 0) (<>, 0, 0, 0.5, 0, 0 0 0 0 0 0 0 
0, 0 0 0 0 0 0 0 0) (<>, 0, 0, 0.5, 0, 0 0 0 0 0 0 0 0, 0 0 0 0 0 0 0 0) (<>, 
0, 0, 0.5, 0, 0 0 0 0 0 0 0 0, 0 0 0 0 0 0 0 0) (<>, 0, 0, 0.5, 0, 0 0 0 0 0 
0 0 0, 0 0 0 0 0 0 0 0) (<>, 0, 0, 0.5, 0, 0 0 0 0 0 0 0 0, 0 0 0 0 0 0 0 0) 
(<>, 0, 0, 0.5, 0, 0 0 0 0 0 0 0 0, 0 0 0 0 0 0 0 0) (<>, 0, 0, 0.5, 0, 0 0 0 
0 0 0 0 0, 0 0 0 0 0 0 0 0) (<>, 0, 0, 0.5, 0, 0 0 0 0 0 0 0 0, 0 0 0 0 0 0 0 
0) (<>, 0, 0, 0.5, 0, 0 0 0 0 0 0 0 0, 0 0 0 0 0 0 0 0) (<>, 0, 0, 0.5, 0, 0 
0 0 0 0 0 0 0, 0 0 0 0 0 0 0 0) (<>, 0, 0, 0.5, 0, 0 0 0 0 0 0 0 0, 0 0 0 0 0 
0 0 0) (<>, 0, 0, 0.5, 0, 0 0 0 0 0 0 0 0, 0 0 0 0 0 0 0 0) (<>, 0, 0, 0.5, 0,
 0 0 0 0 0 0 0 0, 0 0 0 0 0 0 0 0) (<>, 0, 0, 0.5, 0, 0 0 0 0 0 0 0 0, 0 0 0 
0 0 0 0 0) (<>, 0, 0, 0.5, 0, 0 0 0 0 0 0 0 0, 0 0 0 0 0 0 0 0) (<>, 0, 0, 
0.5, 0, 0 0 0 0 0 0 0 0, 0 0 0 0 0 0 0 0) (<>, 0, 0, 0.5, 0, 0 0 0 0 0 0 0 0, 
0 0 0 0 0 0 0 0) (<>, 0, 0, 0.5, 0, 0 0 0 0 0 0 0 0, 0 0 0 0 0 0 0 0) (<>, 0, 
0, 0.5, 0, 0 0 0 0 0 0 0 0, 0 0 0 0 0 0 0 0) (<>, 0, 0, 0.5, 0, 0 0 0 0 0 0 0 
0, 0 0 0 0 0 0 0 0) (<>, 0, 0, 0.5, 0, 0 0 0 0 0 0 0 0, 0 0 0 0 0 0 0 0) (<>, 
0, 0, 0.5, 0, 0 0 0 0 0 0 0 0, 0 0 0 0 0 0 0 0) (<>, 0, 0, 0.5, 0, 0 0 0 0 0 
0 0 0, 0 0 0 0 0 0 0 0) (<>, 0, 0, 0.5, 0, 0 0 0 0 0 0 0 0, 0 0 0 0 0 0 0 0) 
(<>, 0, 0, 0.5, 0, 0 0 0 0 0 0 0 0, 0 0 0 0 0 0 0 0) (<>, 0, 0, 0.5, 0, 0 0 0 
0 0 0 0 0, 0 0 0 0 0 0 0 0) (<>, 0, 0, 0.5, 0, 0 0 0 0 0 0 0 0, 0 0 0 0 0 0 0 
0) (<>, 0, 0, 0.5, 0, 0 0 0 0 0 0 0 0, 0 0 0 0 0 0 0 0) (<>, 0, 0, 0.5, 0, 0 
0 0 0 0 0 0 0, 0 0 0 0 0 0 0 0) (<>, 0, 0, 0.5, 0, 0 0 0 0 0 0 0 0, 0 0 0 0 0 
0 0 0) (<>, 0, 0, 0.5, 0, 0 0 0 0 0 0 0 0, 0 0 0 0 0 0 0 0) (<>, 0, 0, 0.5, 0,
 0 0 0 0 0 0 0 0, 0 0 0 0 0 0 0 0) (<>, 0, 0, 0.5, 0, 0 0 0 0 0 0 0 0, 0 0 0 
0 0 0 0 0) (<>, 0, 0, 0.5, 0, 0 0 0 0 0 0 0 0, 0 0 0 0 0 0 0 0) (<>, 0, 0, 
0.5, 0, 0 0 0 0 0 0 0 0, 0 0 0 0 0 0 0 0) (<>, 0, 0, 0.5, 0, 0 0 0 0 0 0 0 0, 
0 0 0 0 0 0 0 0) (<>, 0, 0, 0.5, 0, 0 0 0 0 0 0 0 0, 0 0 0 0 0 0 0 0) (<>, 0, 
0, 0.5, 0, 0 0 0 0 0 0 0 0, 0 0 0 0 0 0 0 0) (<>, 0, 0, 0.5, 0, 0 0 0 0 0 0 0 
0, 0 0 0 0 0 0 0 0) (<>, 0, 0, 0.5, 0, 0 0 0 0 0 0 0 0, 0 0 0 0 0 0 0 0) (<>, 
0, 0, 0.5, 0, 0 0 0 0 0 0 0 0, 0 0 0 0 0 0 0 0) (<>, 0, 0, 0.5, 0, 0 0 0 0 0 
0 0 0, 0 0 0 0 0 0 0 0) (<>, 0, 0, 0.5, 0, 0 0 0 0 0 0 0 0, 0 0 0 0 0 0 0 0) 
(<hermite.exc>, 0.001, 0, 0.5, 0, 100 100 100 100 100 100 100 100, 0 0 0 0 0 
0 0 0) (<hermite.inv>, 0.0221906930365291, 0, 0, 0, 100 100 100 100 100 100 
100 100, 0 0 0 0 0 0 0 0) (<>, 0, 0, 0.5, 0, 0 0 0 0 0 0 0 0, 0 0 0 0 0 0 0 0)
 (<sech.exc>, 1.12405548202202, 0, 0.5, 0, 100 100 100 100 100 100 100 100, 0 
0 0 0 0 0 0 0) (<>, 0, 0, 0.5, 0, 0 0 0 0 0 0 0 0, 0 0 0 0 0 0 0 0) (<>, 0, 0,
 0.5, 0, 0 0 0 0 0 0 0 0, 0 0 0 0 0 0 0 0) (<>, 0, 0, 0.5, 0, 0 0 0 0 0 0 0 0,
 0 0 0 0 0 0 0 0) (<>, 0, 0, 0.5, 0, 0 0 0 0 0 0 0 0, 0 0 0 0 0 0 0 0) (<>, 0,
 0, 0.5, 0, 0 0 0 0 0 0 0 0, 0 0 0 0 0 0 0 0) (<>, 0, 0, 0.5, 0, 0 0 0 0 0 0 
0 0, 0 0 0 0 0 0 0 0) (<>, 0, 0, 0.5, 0, 0 0 0 0 0 0 0 0, 0 0 0 0 0 0 0 0) (<>
, 0, 0, 0.5, 0, 0 0 0 0 0 0 0 0, 0 0 0 0 0 0 0 0) (<>, 0, 0, 0.5, 0, 0 0 0 0 
0 0 0 0, 0 0 0 0 0 0 0 0) (<>, 0, 0, 0.5, 0, 0 0 0 0 0 0 0 0, 0 0 0 0 0 0 0 0)
##$SW_h=4098.36065573771
##$SW=10.2374410113577
##$FW=0
##$RG=64
##$AQ_mod=qdig
##$DR=23
$$ @vis= ACQ_scan_size NI NA NAE NR DS D P PLW ACQ_RfShapes SW_h SW RG AQ_mod
##$PAPS=QP
##$PH_ref=0
##$BF1=400.330575892048
##$SFO1=400.330575892048
##$SF0ppm=400.328694347185
##$O1=0
##$ACQ_O1_list_size=3
##$ACQ_O1_list=( 3 )
17.4118714351158 6350.39567537437 -7280.91649896368
##$ACQ_O1B_list_size=1
$$ @vis= DR PAPS PH_ref BF1 SFO1 SF0ppm O1 ACQ_O1_list_size ACQ_O1_list
##$ACQ_O1B_list=( 1 )
0
##$BF2=400.335
##$SFO2=400.335
##$O2=0
##$ACQ_O2_list_size=1
##$ACQ_O2_list=( 1 )
-1120.92561249773
$$ @vis= ACQ_O1B_list_size ACQ_O1B_list BF2 SFO2 O2 ACQ_O2_list_size
##$BF3=400.335
##$SFO3=400.335
##$O3=0
##$ACQ_O3_list_size=1
##$ACQ_O3_list=( 1 )
0
##$BF4=400.335
##$SFO4=400.335
##$O4=0
##$BF5=400.335
##$SFO5=400.335
$$ @vis= ACQ_O2_list BF3 SFO3 O3 ACQ_O3_list_size ACQ_O3_list BF4 SFO4 O4 BF5
##$O5=0
##$BF6=400.335
##$SFO6=400.335
##$O6=0
##$BF7=400.335
##$SFO7=400.335
##$O7=0
##$BF8=400.335
##$SFO8=400.335
##$O8=0
##$NUC1=( 8 )
<1H>
##$NUC2=( 8 )
<off>
##$NUC3=( 8 )
<off>
##$NUC4=( 8 )
<off>
##$NUC5=( 8 )
<off>
##$NUC6=( 8 )
<off>
$$ @vis= SFO5 O5 BF6 SFO6 O6 BF7 SFO7 O7 BF8 SFO8 O8 NUC1 NUC2 NUC3 NUC4 NUC5
##$NUC7=( 8 )
<off>
##$NUC8=( 8 )
<off>
##$NUCLEUS=( 8 )
<1H>
##$ACQ_Routing=RouteDefinedByCoil
##$L=( 32 )
0 0 0 0 0 0 0 0 0 0 0 0 0 0 0 0 0 0 0 0 0 0 0 0 0 0 0 0 0 0 0 0
##$ACQ_vd_list_size=1
##$ACQ_vd_list=( 1 )
1e-06
##$ACQ_vp_list_size=1
$$ @vis= NUC6 NUC7 NUC8 NUCLEUS L ACQ_vd_list_size ACQ_vd_list
##$ACQ_vp_list=( 1 )
1e-06
##$ACQ_protocol_name=( 64 )
<megaPRESS_06252016_TE72>
##$ACQ_scan_name=( 64 )
<megaPRESS_06252016_TE72 (E47)>
##$ACQ_method=( 40 )
<User:megaPRESS>
$$ @vis= ACQ_vp_list_size ACQ_vp_list ACQ_protocol_name ACQ_scan_name
##$ACQ_completed=Yes
##$ACQ_pipe_status=Wrapup
##$ACQ_scans_completed=0
##$ACQ_nr_completed=0
$$ @vis= ACQ_method ACQ_completed ACQ_pipe_status ACQ_scans_completed
##$ACQ_total_completed=0
##$ACQ_word_size=_32_BIT
##$NECHOES=1
##$ACQ_n_echo_images=1
$$ @vis= ACQ_nr_completed ACQ_total_completed ACQ_word_size NECHOES
##$ACQ_n_movie_frames=1
##$ACQ_echo_descr=( 1, 20 )
<>
##$ACQ_movie_descr=( 1, 20 )
<>
##$ACQ_fov=( 1 )
5.8
$$ @vis= ACQ_n_echo_images ACQ_n_movie_frames ACQ_echo_descr ACQ_movie_descr
##$ACQ_read_ext=1
##$ACQ_slice_angle=( 1 )
4.74041158897964
##$ACQ_slice_orient=Arbitrary_Oblique
##$ACQ_patient_pos=Head_Prone
$$ @vis= ACQ_fov ACQ_read_ext ACQ_slice_angle ACQ_slice_orient
##$ACQ_slice_sepn=( 1 )
0
##$ACQ_slice_sepn_mode=Contiguous
##$ACQ_slice_thick=4.6
##$ACQ_slice_offset=( 1 )
0
$$ @vis= ACQ_patient_pos ACQ_slice_sepn ACQ_slice_sepn_mode ACQ_slice_thick
##$ACQ_obj_order=( 1 )
0
##$ACQ_flip_angle=90
##$ACQ_flipback=No
##$ACQ_echo_time=( 1 )
0
$$ @vis= ACQ_slice_offset ACQ_obj_order ACQ_flip_angle ACQ_flipback
##$ACQ_inter_echo_time=( 1 )
0
##$ACQ_recov_time=( 1 )
0
##$ACQ_repetition_time=( 1 )
0
##$ACQ_scan_time=0
$$ @vis= ACQ_echo_time ACQ_inter_echo_time ACQ_recov_time ACQ_repetition_time
##$ACQ_inversion_time=( 1 )
0
##$ACQ_temporal_delay=( 1 )
0
##$ACQ_time=<2016-08-16T09:39:56,132-0400>
##$ACQ_abs_time=(1471354796, 132, -240)
$$ @vis= ACQ_scan_time ACQ_inversion_time ACQ_temporal_delay ACQ_time
##$ACQ_operator=( 16 )
<jia>
##$ACQ_RF_power=0
##$ACQ_transmitter_coil=( 16 )
<>
##$ACQ_contrast_agent=( 20 )
<>
$$ @vis= ACQ_abs_time ACQ_operator ACQ_RF_power ACQ_transmitter_coil
##$ACQ_trigger_enable=No
##$ACQ_institution=( 48 )
<Columbia University>
##$ACQ_station=( 64 )
<BioSpec 94/20>
##$ACQ_system_order_number=( 24 )
<10159464>
$$ @vis= ACQ_contrast_agent ACQ_trigger_enable ACQ_institution ACQ_station
##$ACQ_sw_version=( 65 )
<PV 6.0.1>
##$ACQ_grad_str_X=0
##$ACQ_grad_str_Y=0
##$ACQ_grad_str_Z=0
$$ @vis= ACQ_system_order_number ACQ_sw_version ACQ_grad_str_X ACQ_grad_str_Y
##$ACQ_position_X=0
##$ACQ_position_Y=0
##$ACQ_position_Z=0
##$BYTORDA=little
##$INSTRUM=( 64 )
<spect>
$$ @vis= ACQ_grad_str_Z ACQ_position_X ACQ_position_Y ACQ_position_Z BYTORDA
##$ACQ_adc_overflow=( 8 )
No No No No No No No No
##$GRPDLY=67.9851379394531
##$FRQLO3=0
##$ACQ_CalibratedRG=( 4, 2 )
0 0 101 101 0 0 0 0
##$FQ1LIST=( 16 )
<ACQ_O1_list>
$$ @vis= INSTRUM ACQ_adc_overflow GRPDLY FRQLO3 ACQ_CalibratedRG ACQ_INFO
##$FQ2LIST=( 16 )
<ACQ_O2_list>
##$FQ3LIST=( 16 )
<ACQ_O3_list>
##$FQ8LIST=( 16 )
<ACQ_O1B_list>
##$SPW=( 64 )
0.000122741468207735 1.54758666935869 18.5161782727002 18.5161782727002 
0.00884153862376809 0 0 0 0 0 0 0 0 0 0 0 0 0 0 0 0 0 0 0 0 0 0 0 0 0 0 0 0 0 
0 0 0 0 0 0 0 0 0 0 0 0 0 0 0 0 0.001 0.0221906930365291 0 1.12405548202202 0 
0 0 0 0 0 0 0 0 0
##$SPOAL=( 64 )
0.5 0.5 0 0 0 0.5 0.5 0.5 0.5 0.5 0.5 0.5 0.5 0.5 0.5 0.5 0.5 0.5 0.5 0.5 0.5 
0.5 0.5 0.5 0.5 0.5 0.5 0.5 0.5 0.5 0.5 0.5 0.5 0.5 0.5 0.5 0.5 0.5 0.5 0.5 
0.5 0.5 0.5 0.5 0.5 0.5 0.5 0.5 0.5 0.5 0.5 0 0.5 0.5 0.5 0.5 0.5 0.5 0.5 0.5 
0.5 0.5 0.5 0.5
##$SPOFFS=( 64 )
0 0 0 0 0 0 0 0 0 0 0 0 0 0 0 0 0 0 0 0 0 0 0 0 0 0 0 0 0 0 0 0 0 0 0 0 0 0 0 
0 0 0 0 0 0 0 0 0 0 0 0 0 0 0 0 0 0 0 0 0 0 0 0 0
##$SPNAM0=( 64 )
<gauss.exc>
##$SPNAM1=( 64 )
<$VoxPul1Shape>
##$SPNAM2=( 64 )
<$VoxPul2Shape>
$$ @vis= FQ1LIST FQ2LIST FQ3LIST FQ8LIST SPW SPOAL SPOFFS SPNAM0 SPNAM1
##$SPNAM3=( 64 )
<$VoxPul3Shape>
##$SPNAM4=( 64 )
<$PulqShape>
##$SPNAM5=( 64 )
<>
##$SPNAM6=( 64 )
<>
##$SPNAM7=( 64 )
<>
##$SPNAM8=( 64 )
<>
##$SPNAM9=( 64 )
<>
##$SPNAM10=( 64 )
<>
##$SPNAM11=( 64 )
<>
$$ @vis= SPNAM2 SPNAM3 SPNAM4 SPNAM5 SPNAM6 SPNAM7 SPNAM8 SPNAM9 SPNAM10
##$SPNAM12=( 64 )
<>
##$SPNAM13=( 64 )
<>
##$SPNAM14=( 64 )
<>
##$SPNAM15=( 64 )
<>
##$SPNAM16=( 64 )
<>
##$SPNAM17=( 64 )
<>
##$SPNAM18=( 64 )
<>
##$SPNAM19=( 64 )
<>
$$ @vis= SPNAM11 SPNAM12 SPNAM13 SPNAM14 SPNAM15 SPNAM16 SPNAM17 SPNAM18
##$SPNAM20=( 64 )
<>
##$SPNAM21=( 64 )
<>
##$SPNAM22=( 64 )
<>
##$SPNAM23=( 64 )
<>
##$SPNAM24=( 64 )
<>
##$SPNAM25=( 64 )
<>
##$SPNAM26=( 64 )
<>
##$SPNAM27=( 64 )
<>
$$ @vis= SPNAM19 SPNAM20 SPNAM21 SPNAM22 SPNAM23 SPNAM24 SPNAM25 SPNAM26
##$SPNAM28=( 64 )
<>
##$SPNAM29=( 64 )
<>
##$SPNAM30=( 64 )
<>
##$SPNAM31=( 64 )
<>
##$SPNAM32=( 64 )
<>
##$SPNAM33=( 64 )
<>
##$SPNAM34=( 64 )
<>
##$SPNAM35=( 64 )
<>
$$ @vis= SPNAM27 SPNAM28 SPNAM29 SPNAM30 SPNAM31 SPNAM32 SPNAM33 SPNAM34
##$SPNAM36=( 64 )
<>
##$SPNAM37=( 64 )
<>
##$SPNAM38=( 64 )
<>
##$SPNAM39=( 64 )
<>
##$SPNAM40=( 64 )
<>
##$SPNAM41=( 64 )
<>
##$SPNAM42=( 64 )
<>
##$SPNAM43=( 64 )
<>
$$ @vis= SPNAM35 SPNAM36 SPNAM37 SPNAM38 SPNAM39 SPNAM40 SPNAM41 SPNAM42
##$SPNAM44=( 64 )
<>
##$SPNAM45=( 64 )
<>
##$SPNAM46=( 64 )
<>
##$SPNAM47=( 64 )
<>
##$SPNAM48=( 64 )
<>
##$SPNAM49=( 64 )
<>
##$SPNAM50=( 64 )
<hermite.exc>
##$SPNAM51=( 64 )
<hermite.inv>
$$ @vis= SPNAM43 SPNAM44 SPNAM45 SPNAM46 SPNAM47 SPNAM48 SPNAM49 SPNAM50
##$SPNAM52=( 64 )
<>
##$SPNAM53=( 64 )
<sech.exc>
##$SPNAM54=( 64 )
<>
##$SPNAM55=( 64 )
<>
##$SPNAM56=( 64 )
<>
##$SPNAM57=( 64 )
<>
##$SPNAM58=( 64 )
<>
##$SPNAM59=( 64 )
<>
$$ @vis= SPNAM51 SPNAM52 SPNAM53 SPNAM54 SPNAM55 SPNAM56 SPNAM57 SPNAM58
##$SPNAM60=( 64 )
<>
##$SPNAM61=( 64 )
<>
##$SPNAM62=( 64 )
<>
##$SPNAM63=( 64 )
<>
##$HPPRGN=normal
##$LOCNUC=( 8 )
<off>
##$QNP=1
##$SOLVENT=( 16 )
<>
$$ @vis= SPNAM59 SPNAM60 SPNAM61 SPNAM62 SPNAM63 SPNAMES HPPRGN LOCNUC QNP
##$DIGMOD=digital_mode
##$DIGTYP=DRU
##$DQDMODE=DQDMODE_add
##$DSPFIRM=DSP_standard
##$DECIM=4880
##$DSPFVS=20
##$ACQ_scan_shift=0
$$ @vis= SOLVENT HIRES DIGMOD DIGTYP DQDMODE DSPFIRM DECIM DSPFVS
##$DEOSC=1003424
##$DE=6
##$HDDUTY=20
##$HDRATE=1
##$ACQ_n_trim=18
##$ACQ_trim=( 18, 3 )
0 0 0 0 0 0 0 0 0 0 0 0 0 0 0 0 0 0 0 0 0 0 0 0 0 0 0 0 0 0 0 0 0 0 0 0 0 0 0 
0 0 0 0 0 0 0 0 0 0 0 0 0 0 0
$$ @vis= ACQ_scan_shift DEOSC DE HDDUTY HDRATE AVANCE_PARS ACQ_n_trim
##$ACQ_scaling_read=1
##$ACQ_scaling_phase=1
##$ACQ_scaling_slice=1
$$ @vis= ACQ_trim ACQ_trim_values ACQ_scaling_read ACQ_scaling_phase
##$ACQ_grad_matrix_size=1
##$ACQ_grad_matrix=( 1, 3, 3 )
0.996713940658964 0.0769424380788428 0.0253215662738929 -0.0747417533909938 
0.994095189493079 -0.0786665400711154 -0.0312248426116057 0.0765154588903701 
0.996579346441956
##$NSLICES=1
##$ACQ_rare_factor=1
$$ @vis= ACQ_scaling_slice ACQ_grad_matrix_size ACQ_grad_matrix NSLICES
##$ACQ_phase_encoding_mode=( 1 )
Read
##$ACQ_phase_enc_start=( 1 )
-1
##$ACQ_gradient_amplitude=( 100 )
0 4.12382596965658 7.29599979246934 7.29599979246934 10.698275133337 
12.0208152801713 -12.0208152801713 12.0208152801713 20 17 17 0 0 0 0 0 0 0 0 
0 0 0 0 0 0 0 0 0 0 0 0 0 0 0 0 0 0 0 0 0 0 0 0 0 0 0 0 0 0 0 0 0 0 0 0 0 0 0 
0 0 0 0 0 0 0 0 0 0 0 0 0 0 0 0 0 0 0 0 0 0 0 0 0 0 0 0 0 0 0 0 0 0 0 0 0 0 0 
0 0 0
$$ @vis= ACQ_rare_factor ACQ_phase_encoding_mode ACQ_phase_enc_start
##$GS_dim=1
##$GS_disp_update=Each_Accum
##$GS_online_reco=Yes
$$ @vis= ACQ_gradient_amplitude GRAD_PARS GS_dim GS_disp_update
##$GS_reco_display=Yes
##$GS_shuffle_profiles=No
##$GS_typ=Gradients
##$GS_info_dig_filling=Yes
$$ @vis= GS_online_reco GS_reco_display GS_shuffle_profiles GS_typ
##$GS_info_normalized_area=No_info
##$GS_info_max_point=No_info
##$GS_get_info_points=No_info
$$ @vis= GS_info_dig_filling GS_info_normalized_area GS_info_max_point
##$GS_continue=Exit_gsauto
##$GO_init_files=No
##$GO_data_save=Yes
##$GO_block_size=Standard_KBlock_Format
$$ @vis= GS_get_info_points GS_continue GS GO_init_files GO_data_save
##$GO_raw_data_format=GO_32BIT_SGN_INT
##$GO_disp_update=Each_Accum
##$GO_online_reco=Yes
##$GO_reco_display=Yes
$$ @vis= GO_block_size GO_raw_data_format GO_disp_update GO_online_reco
##$GO_reco_each_nr=No
##$GO_max_reco_mem=0
##$GO_time_est=Yes
##$GO_use_macro=No
$$ @vis= GO_reco_display GO_reco_each_nr GO_max_reco_mem GO_time_est
##$GO_macro=( 4096 )
<>
##$GO_LogTimestamp=No
##$ACQ_DriftCompActive=No
##$ACQ_DriftCompJob=1
##$ACQ_DriftCompFilterWidth=2
$$ @vis= GO_use_macro GO_LogTimestamp GO ACQ_DriftCompActive ACQ_DriftCompJob
##$ACQ_DriftCompStep=0
##$ACQ_DriftCompOffset=0
##$ACQ_DriftCompDebug=No
$$ @vis= ACQ_DriftCompFilterWidth ACQ_DriftCompStep ACQ_DriftCompOffset
##$ACQ_MPI_field_steps=1
##$ACQ_MPI_drive_field_cycle=0
$$ @vis= ACQ_DriftCompDebug Drift ACQ_MPI_field_steps
##$ACQ_MPI_selection_field_gradient=0
##$ACQ_MPI_base_frequency=0
$$ @vis= ACQ_MPI_drive_field_cycle ACQ_MPI_selection_field_gradient
##$ACQ_MPI_drive_field_strength=( 3 )
0 0 0
##$ACQ_MPI_div=( 3 )
0 0 0
##$ACQ_MPI_frequency_select=( 3 )
Yes Yes Yes
$$ @vis= ACQ_MPI_base_frequency ACQ_MPI_drive_field_strength ACQ_MPI_div
$$ @vis= ACQ_MPI_frequency_select MPI ACQP
##END=
$$ File finished by PARX at 2016-08-16 09:57:09.701 -0400
