##TITLE=Parameter List, ParaVision 6.0.1
##JCAMPDX=4.24
##DATATYPE=Parameter Values
##ORIGIN=Bruker BioSpin MRI GmbH
##OWNER=jia
$$ 2016-08-16 19:43:37.818 -0400  jia@CZC4202Y88
$$ /opt/PV6.0.1/data/jia/20160719_155347_MEGAPRESS_Final_MouseInvivo_1_1/152/pdata/1/reco
$$ process /opt/PV6.0.1/prog/bin/parxserver
##$RECO_mode=USER_MODE
##$RecoAutoDerive=No
##$RecoDim=1
##$RecoObjectsPerRepetition=1
##$RecoObjectsPerSetupStep=1
$$ @vis= RECO_mode RecoAutoDerive RecoDim RecoObjectsPerRepetition
##$RecoNumRepetitions=40
##$RECO_inp_order=NO_REORDERING
##$RECO_inp_size=( 1 )
4096
$$ @vis= RecoObjectsPerSetupStep RecoNumRepetitions RECO_inp_order
##$RECO_ft_size=( 1 )
4096
##$RECO_fov=( 1 )
5.8
##$RECO_size=( 1 )
4096
##$RECO_offset=( 1, 1 )
0
##$RECO_regrid_mode=NO_REGRID
##$RECO_regrid_offset=0
##$RECO_ramp_gap=0
##$RECO_ramp_time=0
##$RECO_ne_mode=NO_NAV_DATA
##$RECO_ne_dist=NeNoInterleave
##$RECO_ne_dens=NeCorrPerScan
##$RECO_ne_type=NAV_PHASE
##$RECO_bc_mode=( 1 )
NO_BC
##$RECO_bc_start=( 1 )
3072
##$RECO_bc_len=( 1 )
1024
##$RECO_dc_offset=( 2 )
0 0
##$RECO_dc_divisor=1
##$RECO_bc_coroff=( 1 )
0
##$RECO_qopts=( 1 )
COMPLEX_CONJUGATE
##$RECO_wdw_mode=( 1 )
NO_WDW
$$ @vis= RECO_inp_size RECO_ft_size RECO_fov RECO_size RECO_ne_mode
##$RECO_lb=( 1 )
-0.5
##$RECO_sw=( 1 )
4098.36065573771
##$RECO_gb=( 1 )
0.5
##$RECO_sbs=( 1 )
1
##$RECO_tm1=( 1 )
0.25
##$RECO_tm2=( 1 )
0.75
##$RECO_ft_mode=( 1 )
COMPLEX_FT
##$RECO_pc_mode=( 1 )
NO_PC
##$RECO_pc_lin=( 1 )
(0, 0)
##$RECO_rotate=( 1, 1 )
0.5
##$RECO_ppc_mode=NO_PPC
##$RECO_ref_image=0
##$RECO_nr_supports=0.4
##$RECO_sig_threshold=0.15
##$RECO_ppc_degree=1
##$RECO_ppc_coeffs=( 1, 1, 2 )
0 0
##$RECO_dc_elim=Yes
##$RECO_transposition=( 1 )
0
$$ @vis= RECO_wdw_mode RECO_ft_mode RECO_pc_mode RECO_rotate
##$RECO_image_type=MAGNITUDE_IMAGE
##$RECO_image_threshold=0.15
##$RECO_ir_scale=10
##$RECO_wordtype=_16BIT_SGN_INT
##$RECO_map_mode=ABSOLUTE_MAPPING
##$RECO_map_range=( 2 )
-2147483647 2147483647
##$RECO_map_percentile=( 2 )
1 99.9
##$RECO_map_error=0.025
##$RECO_globex=( 40 )
0 0 0 0 0 0 0 0 0 0 0 0 0 0 0 0 0 0 0 0 0 0 0 0 0 0 0 0 0 0 0 0 0 0 0 0 0 0 0 
0
##$RECO_minima=( 40 )
32.0959534929825 11.6588703521983 69.4374597213579 74.7115365625319 
50.7821047660999 37.3366238661971 84.0853198582551 19.6956595256882 
49.435644589669 50.5382032834403 9.26234640136756 47.6499756470419 
58.9600756748567 19.0046570010894 24.5724018922134 57.3108403254068 
43.7636373086925 12.3651786609463 27.039325811564 46.3178124990581 
33.4168662489973 59.5087201111374 31.3174620750153 43.5973096137267 
29.7256048570477 73.4591225596762 35.7194338333673 79.3480816564919 
16.7903082523128 31.3353817124441 60.2466171317295 60.2763243827236 
81.2324414876505 23.9491679097465 75.3854560292328 39.9802120959237 
32.5323218515163 71.6934024673175 45.5489588372815 57.7148413968746
##$RECO_maxima=( 40 )
17199.9750025011 17024.6269532529 15388.1765252179 14040.1498725752 
16688.1251895175 15961.650063857 17127.0620416026 17058.7900769888 
18249.3350318317 13805.1751508113 16908.3832389293 16602.6338840859 
16085.7793095386 17406.4370846672 15807.8119632373 16282.7825217583 
18571.6107231826 17207.1331739354 18132.8639921738 22264.5066683757 
21213.6405592496 22472.832514603 20482.5609639929 22283.7751877783 
20579.2447228122 21822.7741209181 21476.4827594523 21856.5569064444 
27174.9010647992 24612.1171674533 26621.8776912194 25823.185399672 
26233.8068059856 23496.6012431844 31431.366329003 30264.4231787965 
32085.7698217172 27301.5147280614 30991.9960469098 32766.5
##$RECO_map_min=( 40 )
-9.34630088023553 -9.34630088023553 -9.34630088023553 -9.34630088023553 
-9.34630088023553 -9.34630088023553 -9.34630088023553 -9.34630088023553 
-9.34630088023553 -9.34630088023553 -9.34630088023553 -9.34630088023553 
-9.34630088023553 -9.34630088023553 -9.34630088023553 -9.34630088023553 
-9.34630088023553 -9.34630088023553 -9.34630088023553 -9.34630088023553 
-9.34630088023553 -9.34630088023553 -9.34630088023553 -9.34630088023553 
-9.34630088023553 -9.34630088023553 -9.34630088023553 -9.34630088023553 
-9.34630088023553 -9.34630088023553 -9.34630088023553 -9.34630088023553 
-9.34630088023553 -9.34630088023553 -9.34630088023553 -9.34630088023553 
-9.34630088023553 -9.34630088023553 -9.34630088023553 -9.34630088023553
##$RECO_map_max=( 40 )
9.34630088023553 9.34630088023553 9.34630088023553 9.34630088023553 
9.34630088023553 9.34630088023553 9.34630088023553 9.34630088023553 
9.34630088023553 9.34630088023553 9.34630088023553 9.34630088023553 
9.34630088023553 9.34630088023553 9.34630088023553 9.34630088023553 
9.34630088023553 9.34630088023553 9.34630088023553 9.34630088023553 
9.34630088023553 9.34630088023553 9.34630088023553 9.34630088023553 
9.34630088023553 9.34630088023553 9.34630088023553 9.34630088023553 
9.34630088023553 9.34630088023553 9.34630088023553 9.34630088023553 
9.34630088023553 9.34630088023553 9.34630088023553 9.34630088023553 
9.34630088023553 9.34630088023553 9.34630088023553 9.34630088023553
##$RECO_map_offset=( 40 )
0 0 0 0 0 0 0 0 0 0 0 0 0 0 0 0 0 0 0 0 0 0 0 0 0 0 0 0 0 0 0 0 0 0 0 0 0 0 0 
0
##$RECO_map_slope=( 40 )
3505.82550464332 3505.82550464332 3505.82550464332 3505.82550464332 
3505.82550464332 3505.82550464332 3505.82550464332 3505.82550464332 
3505.82550464332 3505.82550464332 3505.82550464332 3505.82550464332 
3505.82550464332 3505.82550464332 3505.82550464332 3505.82550464332 
3505.82550464332 3505.82550464332 3505.82550464332 3505.82550464332 
3505.82550464332 3505.82550464332 3505.82550464332 3505.82550464332 
3505.82550464332 3505.82550464332 3505.82550464332 3505.82550464332 
3505.82550464332 3505.82550464332 3505.82550464332 3505.82550464332 
3505.82550464332 3505.82550464332 3505.82550464332 3505.82550464332 
3505.82550464332 3505.82550464332 3505.82550464332 3505.82550464332
##$RECO_byte_order=littleEndian
$$ @vis= RECO_transposition RECO_image_type RECO_wordtype RECO_map_mode
##$RECO_time=<2016-08-16T19:43:37,816-0400>
##$RECO_abs_time=(1471391017, 816, -240)
##$RECO_base_image_uid=( 65 )
<2.16.756.5.5.100.8323328.16078.1471391017.1>
##$RecoUserUpdate=Yes
##$RecoReverseSegment=0
##$RecoB0DemodOff=0
##$RecoB0DemodDelay=0
##$RecoFTOrder=( 1 )
-1
##$RecoHalfFT=( 1 )
No
$$ @vis= RECO_byte_order RecoUserUpdate RecoB0DemodOff RecoWindow RecoFTOrder
##$RecoHalfFTPos=( 1 )
2048
##$RecoCorrPhase=RecoCorrPhaseOff
##$RecoCorrPhaseRef=-1
##$RECO_map_user_slope=1
##$RECO_map_user_offset=0
##$RecoNumInputChan=1
$$ @vis= RecoHalfFT RecoHalfFTPos RecoCorrPhase RecoCorrPhaseRef RecoMap
##$RecoScaleChan=( 1 )
1
##$RecoPhaseChan=( 1 )
0
##$RecoCombineMode=AddImages
##$RecoSortDim=0
$$ @vis= RecoNumInputChan RecoScaleChan RecoPhaseChan RecoCombineMode
##$RecoSortSize=( 1 )
0
##$RecoSortRange=( 1 )
0
##$RecoSortSegment=( 1 )
0
##$RecoSortMaps=( 1 )
0
##$RecoGrappaAccelFactor=1
##$RecoGrappaKernelRead=0
##$RecoGrappaKernelPhase=0
##$RecoGrappaNumRefRead=0
##$RecoGrappaNumRefPhase=0
##$RecoGrappaIncludeRefLines=Yes
##$RecoGrappaReadCenter=0
##$RecoGrappaPhaseCenter=0
##$RecoGrappaTruncThresh=-1
##$RecoRegridN=Off
$$ @vis= RecoSortDim RecoSortGroup RecoGrappaAccelFactor RecoGrappaGroup
##$RecoStageNrPasses=3
##$RecoStagePasses=( 3 )
(<FIRSTPASS>, 0) (<PREPPASS>, 1) (<MAPPASS>, 2)
##$RecoStageNrNodes=43
$$ @vis= RecoRegridN RecoRegridNGroup RecoStageNrPasses RecoStagePasses
##$RecoStageNodes=( 43 )
(<job0>, 0, <RecoQueueSource 
Q0{initOnce=true;queueId=0;dim=2;procDim=1;sizes={4096,16}
;nr=40;dataRep=SIGNED;baseField=COMPLEX;wordSize=4}>) (<job0>, 0, 
<RecoProfileDisplayFilter 
D{isOnlineMode=true;isAcqDisp=true;cnt=2;ndx=0;ni=1;}>) (<job0>, 0, 
<RecoFileSink 
FS{jobNdx=0;writeAcqPars=true;filename="/opt/PV6.0.1/data/jia/20160719_155347_MEGAPRESS_Final_MouseInvivo_1_1/152/rawdata.job0"}>) (<job0>, 0, <RecoTeeFilter T>) (<job0>, 0, <RecoQueueSink QS{queueId=0}>) (<job0>, 0, <RecoProgressMonitorFilter PM>) (<job1>, 0, <RecoQueueSource Q0{initOnce=true;queueId=0;dim=2;procDim=1;sizes={136,16};nr=40;dataRep=SIGNED;baseField=COMPLEX;wordSize=4}>) (<job1>, 0, <RecoProfileDisplayFilter D{isOnlineMode=true;isAcqDisp=true;cnt=2;ndx=1;ni=1;}>) (<job1>, 0, <RecoFileSink FS{jobNdx=1;writeAcqPars=false;filename="/opt/PV6.0.1/data/jia/20160719_155347_MEGAPRESS_Final_MouseInvivo_1_1/152/rawdata.job1"}>) (<job1>, 0, <RecoTeeFilter T>) (<job1>, 0, <RecoQueueSink QS{queueId=0}>) (<job1>, 0, <RecoCastFilter Cfloat{dataRep=FLOAT;wordSize=8;}>) (<job1>, 0, <RecoDetermineB0Filter DB{width=\<ACQ_DriftCompFilterWidth\>;step=\<ACQ_DriftCompStep\>; sampleBW=\<ACQ_jobs[1].swh\>;B0Value=\<ACQ_DriftCompOffset\>;activeReceivers=1;debugFiles=0;}>) (<job1>, 0, <RecoCastFilter Cback{dataRep=SIGNED;wordSize=4;}>) (<job1>, 0, <RecoReloadB0Filter B0{B0Value=\<ACQ_DriftCompOffset\>;}>) (<input>, 0, <RecoFileSource FS0{initFromJob=0;procDim=1;numChan=1;contData=true;}>) (<input>, 0, <RecoQueueSink JQ0{queueId=0;initQueue=true;initOnce=true;}>) (<input>, 0, <RecoFileSource FS1{initFromJob=1;procDim=1;numChan=1;contData=true;}>) (<input>, 0, <RecoQueueSink JQ1{queueId=1;initQueue=true;initOnce=true;}>) (<compute>, 0, <RecoQueueSource Q0{initFromJob=0;queueId=0;initOnce=true;}>) (<compute>, 0, <RecoQueueSource JQ1{initFromJob=1;queueId=1;initOnce=true;}>) (<compute>, 0, <RecoBufferSink S0{procDim=1;frameDim=2;bufferId="FIRSTPASS0";memId="out0"}>) (<compute>, 0, <RecoCastFilter CAST0{dataRep=FLOAT; wordSize=8}>) (<compute>, 1, <RecoBufferSource Q0{procDim=1;frameDim=2;bufferId="FIRSTPASS0";memId="out0"}>) (<compute>, 1, <RecoBufferSink S0{procDim=1;frameDim=2;bufferId="PREPPASS0";memId="in0"}>) (<compute>, 1, <RecoMagnitudeFilter G0>) (<compute>, 1, <RecoMinMaxFilter M0{map_min=\<RECO_map_min\>;map_max=\<RECO_map_max\>;}>) (<compute>, 2, <RecoBufferSource Q0{procDim=1;frameDim=2;bufferId="PREPPASS0";memId="in0"}>) (<compute>, 2, <RecoQueueSink S0>) (<compute>, 2, <RecoMapFilter MAP0{symmetricMode=true;minima=\<RECO_minima\>;maxima=\<RECO_maxima\>;slope=\<RECO_map_slope\>;offset=\<RECO_map_offset\>;map_min=\<RECO_map_min\>;map_max=\<RECO_map_max\>;rangeMin=-32766.500000;rangeMax=32766.500000;perObjectMode=false;cutoffMode=true;}>) (<compute>, 2, <RecoCastFilter CAST0{dataRep=SIGNED;wordSize=2}>) (<output>, 2, <RecoQueueSource Q{procDim=1;initFromRECO=true;initOnce=true;}>) (<output>, 2, <RecoProfileDisplayFilter DISP{isRecoDisp=true;dim=1;}>) (<output>, 2, <RecoFileSink S{writePars=true;shuffle=false;filename="2dseq";numChans=1;}>) (<compute>, 0, <RecoAverageFilter AVE0{avList=\<AverageList\>; avListSize=1; nObj=1; newSize=\<RECO_ft_size\>;}>) (<compute>, 0, <RecoSpectCorrFilter SPECTCORR0{useNav = 1;refPoint = 68.000000;digShift = 68.000000;refcor = 1;refData = \<PVM_RefScan[0]\>;filterWidth = 0}>) (<compute>, 0, <RecoCastFilter JCAST0{dataRep=FLOAT;wordSize=8;}>) (<compute>, 1, <RecoFTShiftFilter FTS0{shift=0.5; winDirection=0; exponent=1}>) (<compute>, 1, <RecoFTFilter FT0{direction=0; exponent=1}>) (<compute>, 1, <RecoTeeFilter T0>) (<compute>, 1, <RecoCastFilter FILECAST0{wordSize=4; dataRep=SIGNED}>) (<compute>, 1, <RecoFileSink FSINK0{filename="/opt/PV6.0.1/data/jia/20160719_155347_MEGAPRESS_Final_MouseInvivo_1_1/152/fid";shuffle=true}>) (<compute>, 1, <RecoZfillFilter ZFILL0{fillingPosition=1.0; fixedSize=4096}>)
##$RecoStageNrEdges=35
##$RecoStageEdges=( 35 )
(<job0>, 0, <D-\>T>) (<job0>, 0, <T-\>FS>) (<job0>, 0, <T-\>QS>) (<job0>, 0, 
<PM-\>D>) (<job0>, 0, <Q0-\>PM>) (<job1>, 0, <Q0-\>D>) (<job1>, 0, <D-\>T>) 
(<job1>, 0, <T-\>QS>) (<job1>, 0, <T-\>Cfloat>) (<job1>, 0, <Cfloat-\>DB>) 
(<job1>, 0, <DB-\>Cback>) (<job1>, 0, <Cback-\>B0>) (<job1>, 0, <B0-\>FS>) 
(<input>, 0, <FS0-\>JQ0>) (<input>, 0, <FS1-\>JQ1>) (<compute>, 0, 
<Q0-\>CAST0>) (<compute>, 0, <AVE0-\>S0>) (<compute>, 1, <FT0-\>G0>) 
(<compute>, 1, <G0-\>M0>) (<compute>, 1, <M0-\>S0>) (<compute>, 2, <Q0-\>MAP0>
) (<compute>, 2, <MAP0-\>CAST0>) (<compute>, 2, <CAST0-\>S0>) (<output>, 2, 
<Q-\>DISP>) (<output>, 2, <DISP-\>S>) (<compute>, 0, <SPECTCORR0-\>AVE0>) 
(<compute>, 0, <CAST0-\>SPECTCORR0>) (<compute>, 0, <JQ1-\>JCAST0>) (<compute>
, 0, <JCAST0-\>SPECTCORR0>) (<compute>, 1, <T0-\>FTS0>) (<compute>, 1, 
<FTS0-\>FT0>) (<compute>, 1, <Q0-\>T0>) (<compute>, 1, <T0-\>FILECAST0>) 
(<compute>, 1, <FILECAST0-\>ZFILL0>) (<compute>, 1, <ZFILL0-\>FSINK0>)
$$ @vis= RecoStageNrNodes RecoStageNodes RecoStageNrEdges RecoStageEdges
##$GS_reco_display=Yes
##$GO_reco_display=Yes
##$GO_reco_each_nr=No
$$ @vis= RecoStageGroup RecoModeUser GS_reco_display RECO_GS GO_reco_display
##$GO_max_reco_mem=0
##$RecoPrototype=No
$$ @vis= GO_reco_each_nr GO_max_reco_mem RECO_GO RecoPrototype RECO
##END=
$$ File finished by PARX at 2016-08-16 19:43:37.819 -0400
